GIT
  remote: https://github.com/omniauth/omniauth-github.git
  revision: 5afe8aee3baccd84ce6f265a3e62efbb55ac14b9
  specs:
    omniauth-github (1.4.0)
      omniauth (~> 1.5)
      omniauth-oauth2 (>= 1.4.0, < 2.0)

GIT
  remote: https://github.com/zendesk/vault-ruby.git
  revision: 96be391a2fd50a42871c8b9dc3c59fddbdbdc556
  ref: 96be391a2fd50a42871c8b9dc3c59fddbdbdc556
  specs:
    vault (0.12.0)
      aws-sigv4

GEM
  remote: https://rubygems.org/
  remote: https://rails-assets.org/
  specs:
    actioncable (6.1.7.3)
      actionpack (= 6.1.7.3)
      activesupport (= 6.1.7.3)
      nio4r (~> 2.0)
      websocket-driver (>= 0.6.1)
    actionmailbox (6.1.7.3)
      actionpack (= 6.1.7.3)
      activejob (= 6.1.7.3)
      activerecord (= 6.1.7.3)
      activestorage (= 6.1.7.3)
      activesupport (= 6.1.7.3)
      mail (>= 2.7.1)
    actionmailer (6.1.7.3)
      actionpack (= 6.1.7.3)
      actionview (= 6.1.7.3)
      activejob (= 6.1.7.3)
      activesupport (= 6.1.7.3)
      mail (~> 2.5, >= 2.5.4)
      rails-dom-testing (~> 2.0)
    actionpack (6.1.7.3)
      actionview (= 6.1.7.3)
      activesupport (= 6.1.7.3)
      rack (~> 2.0, >= 2.0.9)
      rack-test (>= 0.6.3)
      rails-dom-testing (~> 2.0)
      rails-html-sanitizer (~> 1.0, >= 1.2.0)
    actiontext (6.1.7.3)
      actionpack (= 6.1.7.3)
      activerecord (= 6.1.7.3)
      activestorage (= 6.1.7.3)
      activesupport (= 6.1.7.3)
      nokogiri (>= 1.8.5)
    actionview (6.1.7.3)
      activesupport (= 6.1.7.3)
      builder (~> 3.1)
      erubi (~> 1.4)
      rails-dom-testing (~> 2.0)
      rails-html-sanitizer (~> 1.1, >= 1.2.0)
    active_hash (3.0.0)
      activesupport (>= 5.0.0)
    activejob (6.1.7.3)
      activesupport (= 6.1.7.3)
      globalid (>= 0.3.6)
    activemodel (6.1.7.3)
      activesupport (= 6.1.7.3)
    activerecord (6.1.7.3)
      activemodel (= 6.1.7.3)
      activesupport (= 6.1.7.3)
    activestorage (6.1.7.3)
      actionpack (= 6.1.7.3)
      activejob (= 6.1.7.3)
      activerecord (= 6.1.7.3)
      activesupport (= 6.1.7.3)
      marcel (~> 1.0)
      mini_mime (>= 1.1.0)
    activesupport (6.1.7.3)
      concurrent-ruby (~> 1.0, >= 1.0.2)
      i18n (>= 1.6, < 2)
      minitest (>= 5.1)
      tzinfo (~> 2.0)
      zeitwerk (~> 2.3)
    addressable (2.8.1)
      public_suffix (>= 2.0.2, < 6.0)
    ansible (0.2.2)
    ar_multi_threaded_transactional_tests (0.5.0)
      activerecord (>= 4.2.0, < 6.2.0)
    ast (2.4.1)
    attr_encrypted (3.1.0)
      encryptor (~> 3.0.0)
    audited (4.10.0)
      activerecord (>= 4.2, < 6.2)
    autoprefixer-rails (9.4.8)
      execjs
    awesome_print (1.6.1)
    aws-eventstream (1.1.0)
    aws-sigv4 (1.1.4)
      aws-eventstream (~> 1.0, >= 1.0.2)
    binding_of_caller (0.8.0)
      debug_inspector (>= 0.0.1)
    bootsnap (1.4.5)
      msgpack (~> 1.0)
    bootstrap-sass (3.4.1)
      autoprefixer-rails (>= 5.2.1)
      sassc (>= 2.0.0)
    bootstrap3-datetimepicker-rails (4.17.47)
      momentjs-rails (>= 2.8.1)
    brakeman (5.4.1)
    builder (3.2.4)
    bundler-audit (0.9.0.1)
      bundler (>= 1.2.0, < 3)
      thor (~> 1.0)
    byebug (8.2.5)
    coderay (1.1.1)
    commonmarker (0.23.8)
    concurrent-ruby (1.2.2)
    connection_pool (2.2.1)
    crack (0.4.3)
      safe_yaml (~> 1.0.0)
    crass (1.0.6)
    dalli (3.2.3)
    debug_inspector (0.0.3)
    diffy (3.4.2)
    dogstatsd-ruby (3.0.0)
    doorkeeper (5.4.0)
      railties (>= 5)
    dotenv (2.2.1)
    encryptor (3.0.0)
    erubi (1.12.0)
    erubis (2.7.0)
    execjs (2.7.0)
    faraday (0.17.3)
      multipart-post (>= 1.2, < 3)
    faraday-http-cache (2.0.0)
      faraday (~> 0.8)
    ffi (1.15.5)
    flay (2.12.0)
      erubis (~> 2.7.0)
      path_expander (~> 1.0)
      ruby_parser (~> 3.0)
      sexp_processor (~> 4.0)
    forking_test_runner (1.2.0)
      parallel_tests (>= 1.3.7)
    globalid (1.1.0)
      activesupport (>= 5.0)
    goldiloader (3.2.0)
      activerecord (>= 4.2, < 6.3)
      activesupport (>= 4.2, < 6.3)
    hashdiff (0.3.4)
    hashie (3.6.0)
    i18n (1.12.0)
      concurrent-ruby (~> 1.0)
    interception (0.5)
    jwt (2.2.1)
    large_object_store (1.3.4)
    lograge (0.12.0)
      actionpack (>= 4)
      activesupport (>= 4)
      railties (>= 4)
      request_store (~> 1.0)
    logstash-event (1.2.02)
    loofah (2.19.1)
      crass (~> 1.0.2)
      nokogiri (>= 1.5.9)
    mail (2.7.1)
      mini_mime (>= 0.1.1)
    marcel (1.0.2)
    marco-polo (2.0.1)
      railties (>= 6)
    maxitest (3.3.0)
      minitest (>= 5.0.0, < 5.12.0)
    metaclass (0.0.4)
    method_source (0.8.2)
    mini_mime (1.1.2)
    mini_portile2 (2.8.1)
    minitest (5.11.3)
    minitest-rails (6.1.0)
      minitest (~> 5.10)
      railties (~> 6.1.0)
    mocha (1.2.1)
      metaclass (~> 0.0.1)
    momentjs-rails (2.29.4.1)
      railties (>= 3.1)
    msgpack (1.4.2)
    multi_json (1.15.0)
    multi_xml (0.6.0)
    multipart-post (2.1.1)
    mysql2 (0.5.3)
    net-http-persistent (2.9.4)
    net-ldap (0.16.1)
    nio4r (2.5.8)
    nokogiri (1.14.2)
      mini_portile2 (~> 2.8.0)
      racc (~> 1.4)
    nokogiri (1.14.2-x86_64-darwin)
      racc (~> 1.4)
    nokogiri (1.14.2-x86_64-linux)
      racc (~> 1.4)
    oauth (0.5.6)
    oauth2 (1.4.4)
      faraday (>= 0.8, < 2.0)
      jwt (>= 1.0, < 3.0)
      multi_json (~> 1.3)
      multi_xml (~> 0.5)
      rack (>= 1.2, < 3)
    octokit (4.18.0)
      faraday (>= 0.9)
      sawyer (~> 0.8.0, >= 0.5.3)
    omniauth (1.9.2)
      hashie (>= 3.4.6)
      rack (>= 1.6.2, < 3)
    omniauth-bitbucket (0.0.2)
      multi_json (~> 1.7)
      omniauth (~> 1.1)
      omniauth-oauth (~> 1.0)
    omniauth-gitlab (1.0.2)
      omniauth (~> 1.0)
      omniauth-oauth2 (~> 1.0)
    omniauth-google-oauth2 (0.6.0)
      jwt (>= 2.0)
      omniauth (>= 1.1.1)
      omniauth-oauth2 (>= 1.5)
    omniauth-ldap (1.0.5)
      net-ldap (~> 0.12)
      omniauth (~> 1.0)
      pyu-ruby-sasl (~> 0.0.3.2)
      rubyntlm (~> 0.3.4)
    omniauth-oauth (1.1.0)
      oauth
      omniauth (~> 1.0)
    omniauth-oauth2 (1.7.0)
      oauth2 (~> 1.4)
      omniauth (~> 1.9)
    omniauth-rails_csrf_protection (0.1.2)
      actionpack (>= 4.2)
      omniauth (>= 1.3.1)
    pagy (3.6.0)
    parallel (1.19.2)
    parallel_tests (2.21.1)
      parallel
    parser (2.7.2.0)
      ast (~> 2.4.1)
    path_expander (1.0.4)
    pg (1.1.3)
    pry (0.10.3)
      coderay (~> 1.1.0)
      method_source (~> 0.8.1)
      slop (~> 3.4)
    pry-byebug (3.3.0)
      byebug (~> 8.0)
      pry (~> 0.10)
    pry-rails (0.3.5)
      pry (>= 0.9.10)
    pry-rescue (1.4.5)
      interception (>= 0.5)
      pry
    pry-stack_explorer (0.4.9.3)
      binding_of_caller (>= 0.7)
      pry (>= 0.9.11)
    public_suffix (5.0.1)
    puma (5.6.4)
      nio4r (~> 2.0)
    pyu-ruby-sasl (0.0.3.3)
    racc (1.6.2)
    rack (2.2.6.4)
    rack-mini-profiler (1.1.4)
      rack (>= 1.2.0)
    rack-test (2.1.0)
      rack (>= 1.3)
    rails (6.1.7.3)
      actioncable (= 6.1.7.3)
      actionmailbox (= 6.1.7.3)
      actionmailer (= 6.1.7.3)
      actionpack (= 6.1.7.3)
      actiontext (= 6.1.7.3)
      actionview (= 6.1.7.3)
      activejob (= 6.1.7.3)
      activemodel (= 6.1.7.3)
      activerecord (= 6.1.7.3)
      activestorage (= 6.1.7.3)
      activesupport (= 6.1.7.3)
      bundler (>= 1.15.0)
      railties (= 6.1.7.3)
      sprockets-rails (>= 2.0.0)
    rails-assets-bootstrap-select (1.10.0)
      rails-assets-jquery (>= 1.8)
    rails-assets-jquery (3.4.1)
    rails-assets-jquery-cookie (1.4.1)
      rails-assets-jquery (>= 1.2)
    rails-assets-jquery-ui (1.12.1)
      rails-assets-jquery (>= 1.6)
    rails-assets-jquery-ujs (1.2.0)
      rails-assets-jquery (> 1.8)
    rails-assets-jsSHA (2.3.1)
    rails-assets-jstimezonedetect (1.0.5)
    rails-assets-typeahead.js (0.11.1)
      rails-assets-jquery (>= 1.7)
    rails-assets-underscore (1.8.3)
    rails-assets-x-editable (1.5.1)
      rails-assets-jquery (>= 1.6)
    rails-controller-testing (1.0.5)
      actionpack (>= 5.0.1.rc1)
      actionview (>= 5.0.1.rc1)
      activesupport (>= 5.0.1.rc1)
    rails-dom-testing (2.0.3)
      activesupport (>= 4.2.0)
      nokogiri (>= 1.6)
    rails-html-sanitizer (1.5.0)
      loofah (~> 2.19, >= 2.19.1)
    railties (6.1.7.3)
      actionpack (= 6.1.7.3)
      activesupport (= 6.1.7.3)
      method_source
      rake (>= 12.2)
      thor (~> 1.0)
    rainbow (3.0.0)
    rake (13.0.6)
    regexp_parser (1.8.2)
    request_store (1.4.0)
      rack (>= 1.4)
    rexml (3.2.5)
    rubocop (0.93.1)
      parallel (~> 1.10)
      parser (>= 2.7.1.5)
      rainbow (>= 2.2.2, < 4.0)
      regexp_parser (>= 1.8)
      rexml
      rubocop-ast (>= 0.6.0)
      ruby-progressbar (~> 1.7)
      unicode-display_width (>= 1.4.0, < 2.0)
    rubocop-ast (0.8.0)
      parser (>= 2.7.1.5)
    rubocop-rails (2.3.2)
      rack (>= 1.1)
      rubocop (>= 0.72.0)
    ruby-progressbar (1.10.1)
    ruby_parser (3.13.1)
      sexp_processor (~> 4.9)
    rubyntlm (0.3.4)
    safe_yaml (1.0.4)
    sass-rails (6.0.0)
      sassc-rails (~> 2.1, >= 2.1.1)
    sassc (2.4.0)
      ffi (~> 1.9)
    sassc-rails (2.1.2)
      railties (>= 4.0.0)
      sassc (>= 2.0)
      sprockets (> 3.0)
      sprockets-rails
      tilt
    sawyer (0.8.2)
      addressable (>= 2.3.5)
      faraday (> 0.8, < 2.0)
    sexp_processor (4.12.1)
    single_cov (1.3.2)
    slop (3.6.0)
    soft_deletion (1.6.0)
      activerecord (>= 4.2.0, < 6.2.0)
    sprockets (3.7.2)
      concurrent-ruby (~> 1.0)
      rack (> 1, < 3)
    sprockets-rails (3.4.2)
      actionpack (>= 5.2)
      activesupport (>= 5.2)
      sprockets (>= 3.0.0)
    sqlite3 (1.4.2)
    stackprof (0.2.12)
    thor (1.2.1)
    tilt (2.0.10)
    tzinfo (2.0.6)
      concurrent-ruby (~> 1.0)
    uglifier (3.2.0)
      execjs (>= 0.3.0, < 3)
    unicode-display_width (1.8.0)
    validates_lengths_from_database (0.7.0)
      activerecord (>= 3)
    warden (1.2.7)
      rack (>= 1.0)
    webmock (3.0.1)
      addressable (>= 2.3.6)
      crack (>= 0.3.2)
      hashdiff
    websocket-driver (0.7.5)
      websocket-extensions (>= 0.1.0)
    websocket-extensions (0.1.5)
    zeitwerk (2.6.7)

PLATFORMS
  ruby
  x86_64-darwin-18
  x86_64-linux

DEPENDENCIES
  active_hash
  ansible
  ar_multi_threaded_transactional_tests
  attr_encrypted
  audited
  awesome_print
  bootsnap
  bootstrap-sass (>= 3.4.1)
  bootstrap3-datetimepicker-rails
  brakeman
  bundler-audit
  coderay
  commonmarker
  concurrent-ruby
  connection_pool
  dalli
  diffy
  dogstatsd-ruby
  doorkeeper (~> 5.4.0)
  dotenv
  faraday
  faraday-http-cache
  flay
  forking_test_runner
  goldiloader
  large_object_store
  lograge
  logstash-event
  mail (~> 2.7.0)
  marco-polo
  maxitest
  minitest-rails
  mocha
  momentjs-rails
  mysql2
  net-http-persistent
  octokit
  omniauth
  omniauth-bitbucket
  omniauth-github!
  omniauth-gitlab
  omniauth-google-oauth2
  omniauth-ldap
  omniauth-oauth2
  omniauth-rails_csrf_protection
  pagy
  parallel
  parallel_tests
  pg
  pry-byebug
  pry-rails
  pry-rescue
  pry-stack_explorer
  puma
  rack-mini-profiler
  rails (~> 6.1.7, >= 6.1.7.3)
  rails-assets-bootstrap-select!
  rails-assets-jquery!
  rails-assets-jquery-cookie!
  rails-assets-jquery-ui!
  rails-assets-jquery-ujs!
  rails-assets-jsSHA!
  rails-assets-jstimezonedetect!
  rails-assets-typeahead.js!
  rails-assets-underscore!
  rails-assets-x-editable!
  rails-controller-testing
  rubocop
  rubocop-rails
  sass-rails
  sawyer
  single_cov
  soft_deletion
  sprockets (~> 3.7)
  sqlite3
  stackprof
  uglifier
  validates_lengths_from_database
  vault!
  warden
  webmock

RUBY VERSION
   ruby 2.7.6p219

BUNDLED WITH
   2.3.25
