PATH
  remote: plugins/docker_binary_builder/
  specs:
    samson_docker_binary_builder (0.0.0)

PATH
  remote: plugins/dockerb/
  specs:
    samson_dockerb (0.0.0)
      dockerb

PATH
  remote: plugins/env/
  specs:
    samson_env (0.0.0)
      dotenv

PATH
  remote: plugins/flowdock/
  specs:
    samson_flowdock (0.0.0)
      flowdock (~> 0.6.0)

PATH
  remote: plugins/jenkins/
  specs:
    samson_jenkins (0.0.0)
      jenkins_api_client (~> 1.3)

PATH
  remote: plugins/pipelines/
  specs:
    samson_pipelines (0.0.0)

PATH
  remote: plugins/slack/
  specs:
    samson_slack (0.0.0)
      slack-api (~> 1.1.0)

PATH
  remote: plugins/zendesk/
  specs:
    samson_zendesk (0.0.0)
      zendesk_api

GEM
  remote: https://rubygems.org/
  remote: https://rails-assets.org/
  specs:
    actionmailer (4.2.3)
      actionpack (= 4.2.3)
      actionview (= 4.2.3)
      activejob (= 4.2.3)
      mail (~> 2.5, >= 2.5.4)
      rails-dom-testing (~> 1.0, >= 1.0.5)
    actionpack (4.2.3)
      actionview (= 4.2.3)
      activesupport (= 4.2.3)
      rack (~> 1.6)
      rack-test (~> 0.6.2)
      rails-dom-testing (~> 1.0, >= 1.0.5)
      rails-html-sanitizer (~> 1.0, >= 1.0.2)
    actionview (4.2.3)
      activesupport (= 4.2.3)
      builder (~> 3.1)
      erubis (~> 2.7.0)
      rails-dom-testing (~> 1.0, >= 1.0.5)
      rails-html-sanitizer (~> 1.0, >= 1.0.2)
    active_hash (1.4.0)
      activesupport (>= 2.2.2)
    active_model_serializers (0.8.3)
      activemodel (>= 3.0)
    activejob (4.2.3)
      activesupport (= 4.2.3)
      globalid (>= 0.3.0)
    activemodel (4.2.3)
      activesupport (= 4.2.3)
      builder (~> 3.1)
    activerecord (4.2.3)
      activemodel (= 4.2.3)
      activesupport (= 4.2.3)
      arel (~> 6.0)
    activeresource (4.0.0)
      activemodel (~> 4.0)
      activesupport (~> 4.0)
      rails-observers (~> 0.1.1)
    activesupport (4.2.3)
      i18n (~> 0.7)
      json (~> 1.7, >= 1.7.7)
      minitest (~> 5.1)
      thread_safe (~> 0.3, >= 0.3.4)
      tzinfo (~> 1.1)
    addressable (2.3.8)
    airbrake (4.3.0)
      builder
      multi_json
    angular-rails-templates (0.2.0)
      railties (>= 3.1)
      sprockets (~> 2)
      tilt
    ansible (0.2.0)
    arel (6.0.0)
    autoprefixer-rails (5.2.1)
      execjs
      json
    better_errors (2.1.1)
      coderay (>= 1.0.0)
      erubis (>= 2.6.6)
      rack (>= 0.9.0)
    binding_of_caller (0.7.2)
      debug_inspector (>= 0.0.1)
    bootscale (0.5.0)
    bootstrap-sass (3.3.5.1)
      autoprefixer-rails (>= 5.0.0.1)
      sass (>= 3.3.0)
    builder (3.2.2)
    byebug (5.0.0)
      columnize (= 0.9.0)
    codeclimate-test-reporter (0.4.7)
      simplecov (>= 0.7.1, < 1.0.0)
    coderay (1.1.0)
    columnize (0.9.0)
    crack (0.4.2)
      safe_yaml (~> 1.0.0)
    dalli (2.7.4)
    debug_inspector (0.0.2)
    docile (1.1.5)
    docker-api (1.21.4)
      excon (>= 0.38.0)
      json
    dockerb (0.2.3)
    dogapi (1.19.0)
      multi_json
    dogstatsd-ruby (1.5.0)
    dotenv (0.11.1)
      dotenv-deployment (~> 0.0.2)
    dotenv-deployment (0.0.2)
    dotenv-rails (0.11.1)
      dotenv (= 0.11.1)
    erubis (2.7.0)
    eventmachine (1.0.7)
    eventmachine (1.0.7-java)
    excon (0.45.3)
    execjs (2.5.2)
    faraday (0.9.1)
      multipart-post (>= 1.2, < 3)
    faraday-http-cache (1.1.1)
      faraday (~> 0.8)
    faraday_middleware (0.9.1)
      faraday (>= 0.7.4, < 0.10)
    faye-websocket (0.9.2)
      eventmachine (>= 0.12.0)
      websocket-driver (>= 0.5.1)
    flowdock (0.6.0)
      httparty (~> 0.7)
      multi_json
    github-markdown (0.6.8)
    globalid (0.3.5)
      activesupport (>= 4.1.0)
    goldiloader (0.0.9)
      activerecord (>= 3.2, < 4.3)
      activesupport (>= 3.2, < 4.3)
    hashie (3.4.2)
    hike (1.2.3)
    httparty (0.13.5)
      json (~> 1.8)
      multi_xml (>= 0.5.2)
    i18n (0.7.0)
    inflection (1.0.0)
    jenkins_api_client (1.4.0)
      json
      mixlib-shellout (>= 1.1.0)
      nokogiri (~> 1.6.0)
      terminal-table (>= 1.4.0)
      thor (>= 0.16.0)
    jira-ruby (0.1.14)
      activesupport
      oauth (~> 0.4.7)
    json (1.8.3)
    json (1.8.3-java)
    jwt (1.5.1)
    kaminari (0.16.3)
      actionpack (>= 3.0.0)
      activesupport (>= 3.0.0)
    lograge (0.3.4)
      actionpack (>= 3)
      activesupport (>= 3)
      railties (>= 3)
    logstash-event (1.2.02)
    loofah (2.0.2)
      nokogiri (>= 1.5.9)
    mail (2.6.3)
      mime-types (>= 1.16, < 3)
    maxitest (1.5.1)
      minitest (>= 5.0.0, < 5.8.0)
    metaclass (0.0.4)
    mime-types (2.6.1)
    mini_portile (0.6.2)
    minitest (5.7.0)
    minitest-rails (2.2.0)
      minitest (~> 5.7)
      railties (~> 4.1)
    mixlib-shellout (2.1.0)
    mocha (1.1.0)
      metaclass (~> 0.0.1)
    multi_json (1.11.2)
    multi_xml (0.5.5)
    multipart-post (2.0.0)
    mysql2 (0.3.18)
    net-http-persistent (2.9.4)
    newrelic_api (1.2.4)
    newrelic_rpm (3.12.1.298)
    ngannotate-rails (1.0.2)
      execjs
      rails (>= 3.1)
    nokogiri (1.6.6.2)
      mini_portile (~> 0.6.0)
    nokogiri (1.6.6.2-java)
    oauth (0.4.7)
    oauth2 (1.0.0)
      faraday (>= 0.8, < 0.10)
      jwt (~> 1.0)
      multi_json (~> 1.3)
      multi_xml (~> 0.5)
      rack (~> 1.2)
    octokit (4.0.1)
      sawyer (~> 0.6.0, >= 0.5.3)
    omniauth (1.2.2)
      hashie (>= 1.2, < 4)
      rack (~> 1.0)
    omniauth-github (1.1.1)
      omniauth (~> 1.0)
      omniauth-oauth2 (~> 1.1)
    omniauth-google-oauth2 (0.2.6)
      omniauth (> 1.0)
      omniauth-oauth2 (~> 1.1)
    omniauth-oauth2 (1.3.1)
      oauth2 (~> 1.0)
      omniauth (~> 1.2)
    pg (0.18.2)
    puma (2.11.3)
      rack (>= 1.1, < 2.0)
    puma (2.11.3-java)
      rack (>= 1.1, < 2.0)
    query_diet (0.5.3)
    rack (1.6.4)
    rack-mini-profiler (0.9.3)
      rack (>= 1.1.3)
    rack-test (0.6.3)
      rack (>= 1.0)
    rails (4.2.3)
      actionmailer (= 4.2.3)
      actionpack (= 4.2.3)
      actionview (= 4.2.3)
      activejob (= 4.2.3)
      activemodel (= 4.2.3)
      activerecord (= 4.2.3)
      activesupport (= 4.2.3)
      bundler (>= 1.3.0, < 2.0)
      railties (= 4.2.3)
      sprockets-rails
    rails-assets-angular (1.4.2)
    rails-assets-angular-mocks (1.4.2)
      rails-assets-angular (= 1.4.2)
    rails-assets-angular-scenario (1.4.2)
      rails-assets-angular (= 1.4.2)
    rails-assets-bootstrap-select (1.7.3)
      rails-assets-jquery (>= 1.8)
    rails-assets-font-awesome (4.3.0)
    rails-assets-jquery (2.1.4)
    rails-assets-jquery-ui (1.11.4)
      rails-assets-jquery (>= 1.6)
    rails-assets-jquery-ujs (1.0.4)
      rails-assets-jquery (> 1.8)
    rails-assets-moment (2.10.3)
    rails-assets-rickshaw (1.5.1)
    rails-assets-typeahead.js (0.11.1)
      rails-assets-jquery (>= 1.7)
    rails-assets-underscore (1.8.3)
    rails-assets-vis (4.4.0)
    rails-assets-x-editable (1.5.1)
      rails-assets-jquery (>= 1.6)
    rails-deprecated_sanitizer (1.0.3)
      activesupport (>= 4.2.0.alpha)
    rails-dom-testing (1.0.6)
      activesupport (>= 4.2.0.beta, < 5.0)
      nokogiri (~> 1.6.0)
      rails-deprecated_sanitizer (>= 1.0.1)
    rails-html-sanitizer (1.0.2)
      loofah (~> 2.0)
    rails-observers (0.1.2)
      activemodel (~> 4.0)
    rails_12factor (0.0.3)
      rails_serve_static_assets
      rails_stdout_logging
    rails_serve_static_assets (0.0.4)
    rails_stdout_logging (0.0.3)
    railties (4.2.3)
      actionpack (= 4.2.3)
      activesupport (= 4.2.3)
      rake (>= 0.8.7)
      thor (>= 0.18.1, < 2.0)
    rake (10.4.2)
    safe_yaml (1.0.4)
    sass (3.4.15)
    sass-rails (5.0.3)
      railties (>= 4.0.0, < 5.0)
      sass (~> 3.1)
      sprockets (>= 2.8, < 4.0)
      sprockets-rails (>= 2.0, < 4.0)
      tilt (~> 1.1)
    sawyer (0.6.0)
      addressable (~> 2.3.5)
      faraday (~> 0.8, < 0.10)
    simplecov (0.10.0)
      docile (~> 1.1.0)
      json (~> 1.8)
      simplecov-html (~> 0.10.0)
    simplecov-html (0.10.0)
    slack-api (1.1.6)
      faraday (>= 0.7, < 0.10)
      faraday_middleware (~> 0.8)
      faye-websocket (~> 0.9.2)
      multi_json (~> 1.0, >= 1.0.3)
    soft_deletion (0.5.6)
    sprockets (2.12.4)
      hike (~> 1.2)
      multi_json (~> 1.0)
      rack (~> 1.0)
      tilt (~> 1.1, != 1.3.0)
    sprockets-rails (2.3.2)
      actionpack (>= 3.0)
      activesupport (>= 3.0)
      sprockets (>= 2.8, < 4.0)
    sqlite3 (1.3.10)
    sse-rails-engine (1.3.1)
      rails (~> 4.0)
    terminal-table (1.5.2)
    thor (0.19.1)
    thread_safe (0.3.5)
    thread_safe (0.3.5-java)
    tilt (1.4.1)
    tzinfo (1.2.2)
      thread_safe (~> 0.1)
    uglifier (2.7.1)
      execjs (>= 0.3.0)
      json (>= 1.8.0)
    warden (1.2.3)
      rack (>= 1.0)
    webmock (1.21.0)
      addressable (>= 2.3.6)
      crack (>= 0.3.2)
    websocket-driver (0.5.4)
      websocket-extensions (>= 0.1.0)
    websocket-driver (0.5.4-java)
      websocket-extensions (>= 0.1.0)
    websocket-extensions (0.1.2)
    zendesk_api (1.9.5)
      faraday (~> 0.9)
      hashie (>= 1.2, < 4.0, != 3.3.0)
      inflection
      mime-types
      multi_json
      multipart-post (~> 2.0)

PLATFORMS
  java
  ruby

DEPENDENCIES
  active_hash (~> 1.0)
  active_model_serializers (~> 0.8.0)
  activeresource
  airbrake (~> 4.3.0)
  angular-rails-templates
  ansible
  better_errors
  binding_of_caller
  bootscale
  bootstrap-sass
  bundler (>= 1.8.4)
  byebug
  codeclimate-test-reporter
  coderay (~> 1.1.0)
  dalli (~> 2.7.0)
  docker-api
  dogapi (~> 1.9)
  dogstatsd-ruby (~> 1.5.0)
  dotenv-rails (~> 0.9)
  faraday-http-cache (~> 1.1)
  github-markdown (~> 0.6.3)
  goldiloader
  jira-ruby
  kaminari
  lograge
  logstash-event
  maxitest
  minitest-rails
  mocha
  mysql2 (~> 0.3)
  net-http-persistent
  newrelic_api
  newrelic_rpm (>= 3.7.1)
  ngannotate-rails
  octokit (~> 4.0)
  omniauth (~> 1.1)
  omniauth-github (= 1.1.1)
  omniauth-google-oauth2 (~> 0.2.4)
  omniauth-oauth2 (~> 1.1)
  pg (~> 0.13)
  puma
  query_diet
  rack-mini-profiler
  rails (~> 4.2.0)
  rails-assets-angular!
  rails-assets-angular-mocks!
  rails-assets-angular-scenario!
  rails-assets-bootstrap-select!
  rails-assets-font-awesome!
  rails-assets-jquery!
  rails-assets-jquery-ui!
  rails-assets-jquery-ujs!
  rails-assets-moment!
  rails-assets-rickshaw!
  rails-assets-typeahead.js!
  rails-assets-underscore!
  rails-assets-vis!
  rails-assets-x-editable!
  rails_12factor
  samson_docker_binary_builder!
  samson_dockerb!
  samson_env!
  samson_flowdock!
  samson_jenkins!
  samson_pipelines!
  samson_slack!
  samson_zendesk!
  sass-rails (~> 5.0)
  sawyer (~> 0.5)
  simplecov
  soft_deletion (~> 0.4)
  sqlite3
  sse-rails-engine
  uglifier (>= 1.3.0)
  warden (~> 1.2)
  webmock

BUNDLED WITH
   1.10.6
