GIT
  remote: https://github.com/omniauth/omniauth-github.git
  revision: f27bb4e018150d87e9444ad13955acfc9e76f4d7
  specs:
    omniauth-github (2.0.1)
      omniauth (~> 2.0)
      omniauth-oauth2 (~> 1.8)

GIT
  remote: https://github.com/omniauth/omniauth-ldap.git
  revision: fb485bb4613074b224b8d6b28ad1c7f366a6b6d8
  ref: fb485bb4613074b224b8d6b28ad1c7f366a6b6d8
  specs:
    omniauth-ldap (2.0.0)
      net-ldap (~> 0.16)
      omniauth (~> 2.0.0)
      pyu-ruby-sasl (~> 0.0.3.3)
      rubyntlm (~> 0.6.2)

GIT
  remote: https://github.com/zendesk/vault-ruby.git
  revision: 96be391a2fd50a42871c8b9dc3c59fddbdbdc556
  ref: 96be391a2fd50a42871c8b9dc3c59fddbdbdc556
  specs:
    vault (0.12.0)
      aws-sigv4

PATH
  remote: plugins/airbrake_hook
  specs:
    samson_airbrake_hook (0.0.0)

PATH
  remote: plugins/airbrake
  specs:
    samson_airbrake (0.0.0)
      airbrake

PATH
  remote: plugins/assertible
  specs:
    samson_assertible (0.0.0)

PATH
  remote: plugins/aws_ecr
  specs:
    samson_aws_ecr (0.0.0)
      aws-sdk-ecr

PATH
  remote: plugins/aws_sts
  specs:
    samson_aws_sts (0.0.0)
      aws-sdk-core

PATH
  remote: plugins/datadog_tracer
  specs:
    samson_datadog_tracer (0.0.1)
      datadog (~> 2)

PATH
  remote: plugins/datadog
  specs:
    samson_datadog (0.0.0)
      faraday

PATH
  remote: plugins/env
  specs:
    samson_env (0.0.0)
      aws-sdk-s3
      dotenv

PATH
  remote: plugins/flowdock
  specs:
    samson_flowdock (0.0.0)
      flowdock

PATH
  remote: plugins/gcloud
  specs:
    gcloud_image_tagger (0.0.0)

PATH
  remote: plugins/github
  specs:
    samson_github (0.0.0)

PATH
  remote: plugins/gitlab
  specs:
    samson_gitlab (0.0.0)
      git_diff_parser
      gitlab

PATH
  remote: plugins/jenkins_status_checker
  specs:
    samson_jenkins_status_checker (0.0.0)
      jenkins_api_client (~> 2.0)

PATH
  remote: plugins/jenkins
  specs:
    samson_jenkins (0.0.0)
      jenkins_api_client (~> 2.0)

PATH
  remote: plugins/jira
  specs:
    samson_jira (0.0.0)
      faraday

PATH
  remote: plugins/kubernetes
  specs:
    samson_kubernetes (0.0.1)
      kubeclient

PATH
  remote: plugins/ledger
  specs:
    samson_ledger (0.0.1)
      faraday

PATH
  remote: plugins/new_relic
  specs:
    samson_new_relic (0.0.0)
      newrelic_rpm

PATH
  remote: plugins/pipelines
  specs:
    samson_pipelines (0.0.0)

PATH
  remote: plugins/prerequisite_stages
  specs:
    samson_prerequisite_stages (0.0.0)

PATH
  remote: plugins/rollbar_dashboards
  specs:
    samson_rollbar_dashboards (0.0.0)

PATH
  remote: plugins/rollbar_hook
  specs:
    samson_rollbar_hook (0.0.0)

PATH
  remote: plugins/rollbar
  specs:
    samson_rollbar (0.0.0)
      rollbar
      rollbar-user_informer

PATH
  remote: plugins/sentry
  specs:
    samson_sentry (0.0.0)
      sentry-rails
      sentry-user_informer

PATH
  remote: plugins/slack_app
  specs:
    samson_slack_app (0.0.0)

PATH
  remote: plugins/slack_webhooks
  specs:
    samson_slack_webhooks (0.0.0)
      faraday

PATH
  remote: plugins/zendesk
  specs:
    samson_zendesk (0.0.0)
      zendesk_api

GEM
  remote: https://rails-assets.org/
  specs:
    rails-assets-bootstrap-select (1.12.4)
      rails-assets-jquery (>= 1.8)
    rails-assets-jquery (3.7.1)
    rails-assets-jquery-cookie (1.4.1)
      rails-assets-jquery (>= 1.2)
    rails-assets-jquery-ui (1.12.1)
      rails-assets-jquery (>= 1.6)
    rails-assets-jquery-ujs (1.2.2)
      rails-assets-jquery (> 1.8)
    rails-assets-jsSHA (2.3.1)
    rails-assets-jstimezonedetect (1.0.5)
    rails-assets-typeahead.js (0.11.1)
      rails-assets-jquery (>= 1.7)
    rails-assets-underscore (1.13.7)
    rails-assets-x-editable (1.5.1)
      rails-assets-jquery (>= 1.6)

GEM
  remote: https://rubygems.org/
  specs:
    actioncable (7.0.8.7)
      actionpack (= 7.0.8.7)
      activesupport (= 7.0.8.7)
      nio4r (~> 2.0)
      websocket-driver (>= 0.6.1)
    actionmailer (7.0.8.7)
      actionpack (= 7.0.8.7)
      actionview (= 7.0.8.7)
      activejob (= 7.0.8.7)
      activesupport (= 7.0.8.7)
      mail (~> 2.5, >= 2.5.4)
      net-imap
      net-pop
      net-smtp
      rails-dom-testing (~> 2.0)
    actionpack (7.0.8.7)
      actionview (= 7.0.8.7)
      activesupport (= 7.0.8.7)
      rack (~> 2.0, >= 2.2.4)
      rack-test (>= 0.6.3)
      rails-dom-testing (~> 2.0)
      rails-html-sanitizer (~> 1.0, >= 1.2.0)
    actionview (7.0.8.7)
      activesupport (= 7.0.8.7)
      builder (~> 3.1)
      erubi (~> 1.4)
      rails-dom-testing (~> 2.0)
      rails-html-sanitizer (~> 1.1, >= 1.2.0)
    active_hash (3.3.1)
      activesupport (>= 5.0.0)
    activejob (7.0.8.7)
      activesupport (= 7.0.8.7)
      globalid (>= 0.3.6)
    activemodel (7.0.8.7)
      activesupport (= 7.0.8.7)
    activerecord (7.0.8.7)
      activemodel (= 7.0.8.7)
      activesupport (= 7.0.8.7)
    activesupport (7.0.8.7)
      concurrent-ruby (~> 1.0, >= 1.0.2)
      i18n (>= 1.6, < 2)
      minitest (>= 5.1)
      tzinfo (~> 2.0)
    addressable (2.8.7)
      public_suffix (>= 2.0.2, < 7.0)
    airbrake (13.0.5)
      airbrake-ruby (~> 6.0)
    airbrake-ruby (6.2.2)
      rbtree3 (~> 0.6)
    ansible (0.2.2)
    ar_multi_threaded_transactional_tests (0.6.1)
      activerecord (>= 6.1.0, < 7.2.0)
    ast (2.4.3)
    attr_encrypted (4.2.0)
      encryptor (~> 3.0.0)
    audited (5.8.0)
      activerecord (>= 5.2, < 8.2)
      activesupport (>= 5.2, < 8.2)
    autoprefixer-rails (9.8.6.5)
      execjs
    awesome_print (1.9.2)
    aws-eventstream (1.3.2)
    aws-partitions (1.1101.0)
    aws-sdk-core (3.223.0)
      aws-eventstream (~> 1, >= 1.3.0)
      aws-partitions (~> 1, >= 1.992.0)
      aws-sigv4 (~> 1.9)
      base64
      jmespath (~> 1, >= 1.6.1)
      logger
    aws-sdk-ecr (1.101.0)
      aws-sdk-core (~> 3, >= 3.216.0)
      aws-sigv4 (~> 1.5)
    aws-sdk-kms (1.100.0)
      aws-sdk-core (~> 3, >= 3.216.0)
      aws-sigv4 (~> 1.5)
    aws-sdk-s3 (1.185.0)
      aws-sdk-core (~> 3, >= 3.216.0)
      aws-sdk-kms (~> 1)
      aws-sigv4 (~> 1.5)
    aws-sigv4 (1.11.0)
      aws-eventstream (~> 1, >= 1.0.2)
    base64 (0.2.0)
    bigdecimal (3.1.9)
    binding_of_caller (1.0.1)
      debug_inspector (>= 1.2.0)
    bootsnap (1.18.4)
      msgpack (~> 1.2)
    bootstrap-sass (3.4.1)
      autoprefixer-rails (>= 5.2.1)
      sassc (>= 2.0.0)
    bootstrap3-datetimepicker-rails (4.17.47)
      momentjs-rails (>= 2.8.1)
    brakeman (5.4.1)
    builder (3.3.0)
    bundler-audit (0.9.2)
      bundler (>= 1.2.0, < 3)
      thor (~> 1.0)
    byebug (12.0.0)
    chef-utils (18.7.6)
      concurrent-ruby
    coderay (1.1.3)
    commonmarker (0.23.11)
    concurrent-ruby (1.3.5)
    connection_pool (2.5.3)
    crack (0.4.6)
      bigdecimal
      rexml
    crass (1.0.6)
    csv (3.3.4)
    dalli (3.2.8)
    datadog (2.15.0)
      datadog-ruby_core_source (~> 3.4)
      libdatadog (~> 16.0.1.1.0)
      libddwaf (~> 1.22.0.0.2)
      logger
      msgpack
    datadog-ruby_core_source (3.4.1)
    date (3.4.1)
    debug_inspector (1.2.0)
    diffy (3.4.3)
    dogstatsd-ruby (5.6.6)
    domain_name (0.6.20240107)
    doorkeeper (5.6.9)
      railties (>= 5)
    dotenv (2.8.1)
    encryptor (3.0.0)
    erubi (1.13.1)
    execjs (2.10.0)
    faraday (2.13.1)
      faraday-net_http (>= 2.0, < 3.5)
      json
      logger
    faraday-http-cache (2.5.1)
      faraday (>= 0.8)
    faraday-multipart (1.1.0)
      multipart-post (~> 2.0)
    faraday-net_http (3.4.0)
      net-http (>= 0.5.0)
    faraday-net_http_persistent (2.3.0)
      faraday (~> 2.5)
      net-http-persistent (>= 4.0.4, < 5)
    faraday-retry (2.3.1)
      faraday (~> 2.0)
    ffi (1.17.2)
    ffi (1.17.2-aarch64-linux-gnu)
    ffi (1.17.2-arm64-darwin)
    ffi (1.17.2-x86_64-darwin)
    ffi (1.17.2-x86_64-linux-gnu)
    ffi-compiler (1.3.2)
      ffi (>= 1.15.5)
      rake
    flay (2.13.3)
      erubi (~> 1.10)
      path_expander (~> 1.0)
      ruby_parser (~> 3.0)
      sexp_processor (~> 4.0)
    flowdock (0.7.1)
      httparty (~> 0.7)
      multi_json
    forking_test_runner (1.15.0)
      parallel_tests (>= 1.3.7)
    git_diff_parser (3.2.0)
    gitlab (4.20.1)
      httparty (~> 0.20)
      terminal-table (>= 1.5.1)
    globalid (1.2.1)
      activesupport (>= 6.1)
    goldiloader (5.4.0)
      activerecord (>= 6.1, < 8.1)
      activesupport (>= 6.1, < 8.1)
    hashdiff (1.1.2)
    hashie (5.0.0)
    http (5.2.0)
      addressable (~> 2.8)
      base64 (~> 0.1)
      http-cookie (~> 1.0)
      http-form_data (~> 2.2)
      llhttp-ffi (~> 0.5.0)
    http-accept (1.7.0)
    http-cookie (1.0.8)
      domain_name (~> 0.5)
    http-form_data (2.3.0)
    httparty (0.23.1)
      csv
      mini_mime (>= 1.0.0)
      multi_xml (>= 0.5.2)
    i18n (1.14.7)
      concurrent-ruby (~> 1.0)
    inflection (1.0.0)
    interception (0.5)
    jenkins_api_client (2.2.0)
      addressable (~> 2.7)
      json (>= 1.0)
      mixlib-shellout (>= 1.1.0)
      nokogiri (~> 1.6)
      socksify (>= 1.7.0)
      terminal-table (>= 1.4.0)
      thor (>= 0.16.0)
    jmespath (1.6.2)
    json (2.11.3)
    jsonpath (1.1.5)
      multi_json
    jwt (2.10.1)
      base64
    kubeclient (4.12.0)
      http (>= 3.0, < 6.0)
      jsonpath (~> 1.0)
      recursive-open-struct (~> 1.1, >= 1.1.1)
      rest-client (~> 2.0)
    language_server-protocol (3.17.0.4)
    large_object_store (1.8.0)
      zstd-ruby (~> 1.5.5)
    libdatadog (16.0.1.1.0)
    libdatadog (16.0.1.1.0-aarch64-linux)
    libdatadog (16.0.1.1.0-x86_64-linux)
    libddwaf (1.22.0.0.2)
      ffi (~> 1.0)
    libddwaf (1.22.0.0.2-aarch64-linux)
      ffi (~> 1.0)
    libddwaf (1.22.0.0.2-arm64-darwin)
      ffi (~> 1.0)
    libddwaf (1.22.0.0.2-x86_64-darwin)
      ffi (~> 1.0)
    libddwaf (1.22.0.0.2-x86_64-linux)
      ffi (~> 1.0)
    llhttp-ffi (0.5.1)
      ffi-compiler (~> 1.0)
      rake (~> 13.0)
    logger (1.7.0)
    lograge (0.14.0)
      actionpack (>= 4)
      activesupport (>= 4)
      railties (>= 4)
      request_store (~> 1.0)
    logstash-event (1.2.02)
    loofah (2.24.0)
      crass (~> 1.0.2)
      nokogiri (>= 1.12.0)
    mail (2.7.1)
      mini_mime (>= 0.1.1)
    marco-polo (2.0.3)
      railties (>= 6)
    maxitest (3.7.0)
      minitest (>= 5.0.0, < 5.15.0)
    method_source (1.1.0)
    mime-types (3.7.0)
      logger
      mime-types-data (~> 3.2025, >= 3.2025.0507)
    mime-types-data (3.2025.0507)
    mini_mime (1.1.5)
    mini_portile2 (2.8.9)
    minitest (5.14.4)
    mixlib-shellout (3.3.9)
      chef-utils
    mocha (2.7.1)
      ruby2_keywords (>= 0.0.5)
    momentjs-rails (2.29.4.1)
      railties (>= 3.1)
    msgpack (1.8.0)
    multi_json (1.15.0)
    multi_xml (0.7.2)
      bigdecimal (~> 3.1)
    multipart-post (2.4.1)
    mutex_m (0.3.0)
    mysql2 (0.5.6)
    net-http (0.6.0)
      uri
    net-http-persistent (4.0.5)
      connection_pool (~> 2.2)
    net-imap (0.5.8)
      date
      net-protocol
    net-ldap (0.19.0)
    net-pop (0.1.2)
      net-protocol
    net-protocol (0.2.2)
      timeout
    net-smtp (0.5.1)
      net-protocol
    netrc (0.11.0)
    newrelic_rpm (9.19.0)
    nio4r (2.7.4)
    nokogiri (1.18.9)
      mini_portile2 (~> 2.8.2)
      racc (~> 1.4)
    nokogiri (1.18.9-aarch64-linux-gnu)
      racc (~> 1.4)
    nokogiri (1.18.9-arm64-darwin)
      racc (~> 1.4)
    nokogiri (1.18.9-x86_64-darwin)
      racc (~> 1.4)
    nokogiri (1.18.9-x86_64-linux-gnu)
      racc (~> 1.4)
    oauth2 (2.0.9)
      faraday (>= 0.17.3, < 3.0)
      jwt (>= 1.0, < 3.0)
      multi_xml (~> 0.5)
      rack (>= 1.2, < 4)
      snaky_hash (~> 2.0)
      version_gem (~> 1.1)
    octokit (6.1.1)
      faraday (>= 1, < 3)
      sawyer (~> 0.9)
    omniauth (2.0.4)
      hashie (>= 3.4.6)
      rack (>= 1.6.2, < 3)
      rack-protection
    omniauth-atlassian-bitbucket (0.1.0)
      omniauth-oauth2
    omniauth-gitlab (4.1.0)
      omniauth (~> 2.0)
      omniauth-oauth2 (~> 1.8.0)
    omniauth-google-oauth2 (1.2.1)
      jwt (>= 2.9.2)
      oauth2 (~> 2.0)
      omniauth (~> 2.0)
      omniauth-oauth2 (~> 1.8)
    omniauth-oauth2 (1.8.0)
      oauth2 (>= 1.4, < 3)
      omniauth (~> 2.0)
    omniauth-rails_csrf_protection (1.0.2)
      actionpack (>= 4.2)
      omniauth (~> 2.0)
    ostruct (0.6.1)
    pagy (4.11.0)
    parallel (1.27.0)
    parallel_tests (4.10.1)
      parallel
    parser (3.3.8.0)
      ast (~> 2.4.1)
      racc
    path_expander (1.1.3)
    pg (1.5.9)
    prism (1.4.0)
    pry (0.15.2)
      coderay (~> 1.1)
      method_source (~> 1.0)
    pry-byebug (3.11.0)
      byebug (~> 12.0)
      pry (>= 0.13, < 0.16)
    pry-rails (0.3.11)
      pry (>= 0.13.0)
    pry-rescue (1.6.0)
      interception (>= 0.5)
      pry (>= 0.12.0)
    pry-stack_explorer (0.6.1)
      binding_of_caller (~> 1.0)
      pry (~> 0.13)
    public_suffix (5.1.1)
    puma (5.6.9)
      nio4r (~> 2.0)
    pyu-ruby-sasl (0.0.3.3)
    racc (1.8.1)
    rack (2.2.14)
    rack-mini-profiler (3.3.1)
      rack (>= 1.2.0)
    rack-protection (3.2.0)
      base64 (>= 0.1.0)
      rack (~> 2.2, >= 2.2.4)
    rack-test (2.2.0)
      rack (>= 1.3)
    rails-controller-testing (1.0.5)
      actionpack (>= 5.0.1.rc1)
      actionview (>= 5.0.1.rc1)
      activesupport (>= 5.0.1.rc1)
    rails-dom-testing (2.2.0)
      activesupport (>= 5.0.0)
      minitest
      nokogiri (>= 1.6)
    rails-html-sanitizer (1.6.2)
      loofah (~> 2.21)
      nokogiri (>= 1.15.7, != 1.16.7, != 1.16.6, != 1.16.5, != 1.16.4, != 1.16.3, != 1.16.2, != 1.16.1, != 1.16.0.rc1, != 1.16.0)
    railties (7.0.8.7)
      actionpack (= 7.0.8.7)
      activesupport (= 7.0.8.7)
      method_source
      rake (>= 12.2)
      thor (~> 1.0)
      zeitwerk (~> 2.5)
    rainbow (3.1.1)
    rake (13.2.1)
    rbtree3 (0.7.1)
    recursive-open-struct (1.3.1)
      ostruct
    regexp_parser (2.10.0)
    request_store (1.7.0)
      rack (>= 1.4)
    rest-client (2.1.0)
      http-accept (>= 1.7.0, < 2.0)
      http-cookie (>= 1.0.2, < 2.0)
      mime-types (>= 1.16, < 4.0)
      netrc (~> 0.8)
    rexml (3.4.1)
    rollbar (2.27.1)
    rollbar-user_informer (0.1.0)
      rollbar (~> 2.15)
    rubocop (1.70.0)
      json (~> 2.3)
      language_server-protocol (>= 3.17.0)
      parallel (~> 1.10)
      parser (>= 3.3.0.2)
      rainbow (>= 2.2.2, < 4.0)
      regexp_parser (>= 2.9.3, < 3.0)
      rubocop-ast (>= 1.36.2, < 2.0)
      ruby-progressbar (~> 1.7)
      unicode-display_width (>= 2.4.0, < 4.0)
    rubocop-ast (1.44.1)
      parser (>= 3.3.7.2)
      prism (~> 1.4)
    rubocop-rails (2.29.1)
      activesupport (>= 4.2.0)
      rack (>= 1.1)
      rubocop (>= 1.52.0, < 2.0)
      rubocop-ast (>= 1.31.1, < 2.0)
    ruby-progressbar (1.13.0)
    ruby2_keywords (0.0.5)
    ruby_parser (3.21.1)
      racc (~> 1.5)
      sexp_processor (~> 4.16)
    rubyntlm (0.6.5)
      base64
    sass-rails (6.0.0)
      sassc-rails (~> 2.1, >= 2.1.1)
    sassc (2.4.0)
      ffi (~> 1.9)
    sassc-rails (2.1.2)
      railties (>= 4.0.0)
      sassc (>= 2.0)
      sprockets (> 3.0)
      sprockets-rails
      tilt
    sawyer (0.9.2)
      addressable (>= 2.3.5)
      faraday (>= 0.17.3, < 3)
    sentry-rails (5.23.0)
      railties (>= 5.0)
      sentry-ruby (~> 5.23.0)
    sentry-ruby (5.23.0)
      bigdecimal
      concurrent-ruby (~> 1.0, >= 1.0.2)
    sentry-user_informer (0.3.0)
      rack
      railties (>= 6.1.0, < 7.3.0)
      sentry-rails (~> 5.4)
    sexp_processor (4.17.3)
    single_cov (1.5.0)
    snaky_hash (2.0.1)
      hashie
      version_gem (~> 1.1, >= 1.1.1)
    socksify (1.7.1)
    soft_deletion (1.13.0)
      activerecord (>= 5.0.0, < 8.1)
    sprockets (3.7.5)
      base64
      concurrent-ruby (~> 1.0)
      rack (> 1, < 3)
    sprockets-rails (3.5.2)
      actionpack (>= 6.1)
      activesupport (>= 6.1)
      sprockets (>= 3.0.0)
    sqlite3 (1.7.3)
      mini_portile2 (~> 2.8.0)
    sqlite3 (1.7.3-aarch64-linux)
    sqlite3 (1.7.3-arm64-darwin)
    sqlite3 (1.7.3-x86_64-darwin)
    sqlite3 (1.7.3-x86_64-linux)
    stackprof (0.2.12)
    terminal-table (3.0.2)
      unicode-display_width (>= 1.1.1, < 3)
    thor (1.3.2)
    tilt (2.6.0)
    timeout (0.4.3)
    tzinfo (2.0.6)
      concurrent-ruby (~> 1.0)
    uglifier (3.2.0)
      execjs (>= 0.3.0, < 3)
    unicode-display_width (2.6.0)
    uri (1.0.3)
    validates_lengths_from_database (0.8.0)
      activerecord (>= 4)
    version_gem (1.1.8)
    warden (1.2.9)
      rack (>= 2.0.9)
    webmock (3.25.1)
      addressable (>= 2.8.0)
      crack (>= 0.3.2)
      hashdiff (>= 0.4.0, < 2.0.0)
    websocket-driver (0.7.7)
      base64
      websocket-extensions (>= 0.1.0)
    websocket-extensions (0.1.5)
    zeitwerk (2.7.2)
    zendesk_api (2.0.1)
      faraday (> 2.0.0)
      faraday-multipart
      hashie (>= 3.5.2, < 6.0.0)
      inflection
      mini_mime
      multipart-post (~> 2.0)
    zstd-ruby (1.5.6.6)

PLATFORMS
  aarch64-linux
  arm64-darwin
  ruby
  x86_64-darwin
  x86_64-linux

DEPENDENCIES
  actioncable (~> 7.0.8)
  actionmailer (~> 7.0.8)
  active_hash
  activerecord (~> 7.0.8)
  ansible
  ar_multi_threaded_transactional_tests
  attr_encrypted
  audited
  awesome_print
  bootsnap
  bootstrap-sass (>= 3.4.1)
  bootstrap3-datetimepicker-rails
  brakeman
  bundler-audit
  coderay
  commonmarker
  concurrent-ruby
  connection_pool
  csv
  dalli
  diffy
  dogstatsd-ruby
  doorkeeper (~> 5.6.0)
  dotenv
  faraday (~> 2.7)
  faraday-http-cache
  faraday-net_http_persistent (~> 2.0)
  faraday-retry
  flay
  forking_test_runner
  gcloud_image_tagger!
  goldiloader
  hashdiff
  large_object_store
  lograge
  logstash-event
  mail (~> 2.7.0)
  marco-polo
  maxitest
  mocha
  momentjs-rails
  mutex_m
  mysql2
  net-http-persistent
  net-imap
  net-pop
  net-smtp
  oauth2 (~> 2.0.9)
  octokit
  omniauth (~> 2.0)
  omniauth-atlassian-bitbucket
  omniauth-github!
  omniauth-gitlab
  omniauth-google-oauth2
  omniauth-ldap!
  omniauth-oauth2
  omniauth-rails_csrf_protection
  pagy
  parallel
  parallel_tests
  pg
  pry-byebug
  pry-rails
  pry-rescue
  pry-stack_explorer
  puma (~> 5.6.7)
  rack-mini-profiler
  rails-assets-bootstrap-select!
  rails-assets-jquery!
  rails-assets-jquery-cookie!
  rails-assets-jquery-ui!
  rails-assets-jquery-ujs!
  rails-assets-jsSHA!
  rails-assets-jstimezonedetect!
  rails-assets-typeahead.js!
  rails-assets-underscore!
  rails-assets-x-editable!
  rails-controller-testing
  railties (~> 7.0.8)
  rubocop
  rubocop-rails
  samson_airbrake!
  samson_airbrake_hook!
  samson_assertible!
  samson_aws_ecr!
  samson_aws_sts!
  samson_datadog!
  samson_datadog_tracer!
  samson_env!
  samson_flowdock!
  samson_github!
  samson_gitlab!
  samson_jenkins!
  samson_jenkins_status_checker!
  samson_jira!
  samson_kubernetes!
  samson_ledger!
  samson_new_relic!
  samson_pipelines!
  samson_prerequisite_stages!
  samson_rollbar!
  samson_rollbar_dashboards!
  samson_rollbar_hook!
  samson_sentry!
  samson_slack_app!
  samson_slack_webhooks!
  samson_zendesk!
  sass-rails
  sawyer
  single_cov
  soft_deletion
  sprockets (~> 3.7)
  sprockets-rails
  sqlite3
  stackprof
  uglifier
  validates_lengths_from_database
  vault!
  warden
  webmock

CHECKSUMS
  actioncable (7.0.8.7) sha256=4034513841df2fd09dbbf38f37c1a00fc6c841122a8714e5d6916b8d6ce2f162
  actionmailer (7.0.8.7) sha256=8be8f9a2f8774af89822bc92e1ab6df10b3a2be59c75486a34e86a1f10d88d14
  actionpack (7.0.8.7) sha256=40e6b1d687904a4fd2285d1fa3aad3d9a9d9ba8fd8858dd0faa9f4673c3f5e2c
  actionview (7.0.8.7) sha256=be975bc9c61903fe5da80a97c345271159033bcbba63988c7f27b6b8b98f7fed
  active_hash (3.3.1) sha256=84477833a69ad6ea43d562bcaa4f1004aca7aed6dfa45e8d367fd3e7d4f36170
  activejob (7.0.8.7) sha256=eff4db3aeaee34863a47570089d11d5577ed0ea42b1475dc9be6a413be182a20
  activemodel (7.0.8.7) sha256=f13b04bb055c1e85b965ce40b0a2e671b8d97835083597bc7fbc04cde0f40a83
  activerecord (7.0.8.7) sha256=f94fc8510e58a18e462c5ee8862c9be75e2bfad0688e8d022b86a6e05df2a45a
  activesupport (7.0.8.7) sha256=df4702375de924aae81709c831605317c5417f0bd9e502a0373ff84a067204ff
  addressable (2.8.7) sha256=462986537cf3735ab5f3c0f557f14155d778f4b43ea4f485a9deb9c8f7c58232
  airbrake (13.0.5) sha256=901f5074c25d5ef77ed87f5bde7a28400a7324f5d7013a8a12d07e0099cc31b6
  airbrake-ruby (6.2.2) sha256=293e34fb36e763e1b6d67ab584cce7c5b6fe9eea1a70c26d8c13c0f5d7de2fbc
  ansible (0.2.2) sha256=cb3d425a99cc5ed1be9fb0c9aca0d85de99613a17ac20a0a32c4d2bc6c7636b7
  ar_multi_threaded_transactional_tests (0.6.1) sha256=7910ff56650bc5a51ae24b61c27ffff6efed43112e79ba6edfae37ccd1b356fc
  ast (2.4.3) sha256=954615157c1d6a382bc27d690d973195e79db7f55e9765ac7c481c60bdb4d383
  attr_encrypted (4.2.0) sha256=7e5c80159e6e38ed40dc4e2e65c4f57234fe1f376bddc40c8b773bfb9b81ad51
  audited (5.8.0) sha256=35cd63f9ee1eb2a1f773e7abf5915bb4e870b6338173e27c31e0e604e353f371
  autoprefixer-rails (9.8.6.5) sha256=15b036f5fac8d1b0439bec7881cf1322ba86474c81d93e02be42741b476770ea
  awesome_print (1.9.2) sha256=e99b32b704acff16d768b3468680793ced40bfdc4537eb07e06a4be11133786e
  aws-eventstream (1.3.2) sha256=7e2c3a55ca70d7861d5d3c98e47daa463ed539c349caba22b48305b8919572d7
  aws-partitions (1.1101.0) sha256=ce12b58e6462627560b32160421fa15bbbc9682c1e678028b90f244f8a2f00a2
  aws-sdk-core (3.223.0) sha256=d8c309116787cd24fb32095da4fa94d1f76e26baea705eabb66aa4585e8d8c77
  aws-sdk-ecr (1.101.0) sha256=ae48e64a8d763435271758061d11cbb707aec2fb56e641a837cabd92b7df07df
  aws-sdk-kms (1.100.0) sha256=b9abf0531c43272ed6f66032bf64c8c969dd07b5c27fc06b7e43411e39db2f15
  aws-sdk-s3 (1.185.0) sha256=7e5ebb091b2a5dafe561786e0b7bfee7a2ae5959a02f302572a09e6b7178a5c7
  aws-sigv4 (1.11.0) sha256=50a8796991a862324442036ad7a395920572b84bb6cd29b945e5e1800e8da1db
  base64 (0.2.0) sha256=0f25e9b21a02a0cc0cea8ef92b2041035d39350946e8789c562b2d1a3da01507
  bigdecimal (3.1.9) sha256=2ffc742031521ad69c2dfc815a98e426a230a3d22aeac1995826a75dabfad8cc
  binding_of_caller (1.0.1) sha256=2b2902abff4246ddcfbc4da9b69bc4a019e22aeb300c2ff6289a173d4b90b29a
  bootsnap (1.18.4) sha256=ac4c42af397f7ee15521820198daeff545e4c360d2772c601fbdc2c07d92af55
  bootstrap-sass (3.4.1) sha256=ba4673535eb0a8334a39a258ea8d81904832f47607069d0a1735b0937645c7df
  bootstrap3-datetimepicker-rails (4.17.47) sha256=ee87a9bad74c140729f6a1ea2a7f3f2d9aaefa7e9defbe31b4edd27ff64689a2
  brakeman (5.4.1) sha256=dc664d4b5d01dd81608db02ec9b7c383beb65a3169049df2939c4bbbd4edfb73
  builder (3.3.0) sha256=497918d2f9dca528fdca4b88d84e4ef4387256d984b8154e9d5d3fe5a9c8835f
  bundler-audit (0.9.2) sha256=73051daa09865c436450a35c4d87ceef15f3f9777f4aad4fd015cc6f1f2b1048
  byebug (12.0.0) sha256=d4a150d291cca40b66ec9ca31f754e93fed8aa266a17335f71bb0afa7fca1a1e
  chef-utils (18.7.6) sha256=6c015a47e3b7862e85be0396121c2bf5db97549ed1861328f90b687b7e8813c9
  coderay (1.1.3) sha256=dc530018a4684512f8f38143cd2a096c9f02a1fc2459edcfe534787a7fc77d4b
  commonmarker (0.23.11) sha256=9d1d35d358740151bce29235aebfecc63314fb57dd89a83e72d4061b4fe3d2bf
  concurrent-ruby (1.3.5) sha256=813b3e37aca6df2a21a3b9f1d497f8cbab24a2b94cab325bffe65ee0f6cbebc6
  connection_pool (2.5.3) sha256=cfd74a82b9b094d1ce30c4f1a346da23ee19dc8a062a16a85f58eab1ced4305b
  crack (0.4.6) sha256=ee251d0aab36ab196946b851fd129870d66bdde4855cfdb3078d86a619c28864
  crass (1.0.6) sha256=dc516022a56e7b3b156099abc81b6d2b08ea1ed12676ac7a5657617f012bd45d
  csv (3.3.4) sha256=e96ecd5a8c3494aa5b596282249daba5c6033203c199248e6146e36d2a78d8cd
  dalli (3.2.8) sha256=2e63595084d91fae2655514a02c5d4fc0f16c0799893794abe23bf628bebaaa5
  datadog (2.15.0) sha256=f6c02a56730b928c3dd350ca30b770d7550a9454af94274a344cb6334eb75235
  datadog-ruby_core_source (3.4.1) sha256=fa40f1c3c8f764b6651a6443382b57d39aeb3c9f94b5af98f499bcfc678a2fb9
  date (3.4.1) sha256=bf268e14ef7158009bfeaec40b5fa3c7271906e88b196d958a89d4b408abe64f
  debug_inspector (1.2.0) sha256=9bdfa02eebc3da163833e6a89b154084232f5766087e59573b70521c77ea68a2
  diffy (3.4.3) sha256=4264b9e7db00d1cd426fcd32e36565779163cedc2340a95b0e6f025e71f9aaa7
  dogstatsd-ruby (5.6.6) sha256=7706ba4a34c6f541463730af280c3ac3d45f18774fcaf38a5b6e53f563f7f355
  domain_name (0.6.20240107) sha256=5f693b2215708476517479bf2b3802e49068ad82167bcd2286f899536a17d933
  doorkeeper (5.6.9) sha256=23e8fdc18ecdbc3f94f2370f278a76d3037fe75ff476019f5a3f572242680270
  dotenv (2.8.1) sha256=c5944793349ae03c432e1780a2ca929d60b88c7d14d52d630db0508c3a8a17d8
  encryptor (3.0.0) sha256=abf23f94ab4d864b8cea85b43f3432044a60001982cda7c33c1cd90da8db1969
  erubi (1.13.1) sha256=a082103b0885dbc5ecf1172fede897f9ebdb745a4b97a5e8dc63953db1ee4ad9
  execjs (2.10.0) sha256=6bcb8be8f0052ff9d370b65d1c080f2406656e150452a0abdb185a133048450d
  faraday (2.13.1) sha256=cc531eb5467e7d74d4517630fa96f1a7003647cbf20a9a3e067d098941217b75
  faraday-http-cache (2.5.1) sha256=cbfc129a85e1ad8580130189832cf59e7e117d94fe277547d61fc531f7689483
  faraday-multipart (1.1.0) sha256=856b0f1c7316a4d6c052dd2eef5c42f887d56d93a171fe8880da1af064ca0751
  faraday-net_http (3.4.0) sha256=a1f1e4cd6a2cf21599c8221595e27582d9936819977bbd4089a601f24c64e54a
  faraday-net_http_persistent (2.3.0) sha256=33d4948cabe9f8148222c4ca19634c71e1f25595cccf9da2e02ace8d754f1bb1
  faraday-retry (2.3.1) sha256=4004faa21f41fc5360d359bc79889fc58fb7fae0ce93bfb737a784ac76805c03
  ffi (1.17.2) sha256=297235842e5947cc3036ebe64077584bff583cd7a4e94e9a02fdec399ef46da6
  ffi (1.17.2-aarch64-linux-gnu) sha256=c910bd3cae70b76690418cce4572b7f6c208d271f323d692a067d59116211a1a
  ffi (1.17.2-arm64-darwin) sha256=54dd9789be1d30157782b8de42d8f887a3c3c345293b57ffb6b45b4d1165f813
  ffi (1.17.2-x86_64-darwin) sha256=981f2d4e32ea03712beb26e55e972797c2c5a7b0257955d8667ba58f2da6440e
  ffi (1.17.2-x86_64-linux-gnu) sha256=05d2026fc9dbb7cfd21a5934559f16293815b7ce0314846fee2ac8efbdb823ea
  ffi-compiler (1.3.2) sha256=a94f3d81d12caf5c5d4ecf13980a70d0aeaa72268f3b9cc13358bcc6509184a0
  flay (2.13.3) sha256=664cea795a61a8bff71b9a3e4d5fca50f70308c99f6be93b522fc75ff25dd289
  flowdock (0.7.1) sha256=cfa95b2ac96e5f883f6e419d7a891f76cfcc17a28c416b6b714bbdffc8dbd912
  forking_test_runner (1.15.0) sha256=9e7a9d5557ac99ea8267a4a3a5c284f1c9c87bc28e4adce01c37bf3411e6874c
  gcloud_image_tagger (0.0.0)
  git_diff_parser (3.2.0) sha256=5278e9217c4722bbce48f328d964ffd5941461a558f82bad8541e9d1f0c971ea
  gitlab (4.20.1) sha256=08bb40fcbcb54817bb1a5067308afe2445a4919c86212fc072d24d1e4784145c
  globalid (1.2.1) sha256=70bf76711871f843dbba72beb8613229a49429d1866828476f9c9d6ccc327ce9
  goldiloader (5.4.0) sha256=277a86ff424b963bc9d98d8f4d10bb7eea0eb010d3209893dea7092302350b73
  hashdiff (1.1.2) sha256=2c30eeded6ed3dce8401d2b5b99e6963fe5f14ed85e60dd9e33c545a44b71a77
  hashie (5.0.0) sha256=9d6c4e51f2a36d4616cbc8a322d619a162d8f42815a792596039fc95595603da
  http (5.2.0) sha256=b99ed3c65376e0fd8107647fbaf5a8ab4f66c347d1271fb74cea757e209c6115
  http-accept (1.7.0) sha256=c626860682bfbb3b46462f8c39cd470fd7b0584f61b3cc9df5b2e9eb9972a126
  http-cookie (1.0.8) sha256=b14fe0445cf24bf9ae098633e9b8d42e4c07c3c1f700672b09fbfe32ffd41aa6
  http-form_data (2.3.0) sha256=cc4eeb1361d9876821e31d7b1cf0b68f1cf874b201d27903480479d86448a5f3
  httparty (0.23.1) sha256=3ac1dd62f2010f6ece551716f5ceec2b2012011d89f1751917ab7f724e966b55
  i18n (1.14.7) sha256=ceba573f8138ff2c0915427f1fc5bdf4aa3ab8ae88c8ce255eb3ecf0a11a5d0f
  inflection (1.0.0) sha256=ceba9b26fc28b9af82e33e822d28f78a4312af75687efec81d5ef1062498d355
  interception (0.5) sha256=a53818d636752a8df90d8c1bb2f7b6e13a7b828543cb02b50fbde98b849d7907
  jenkins_api_client (2.2.0) sha256=2bcdd3800704d077deff6f255cde8ec39e6d4dc92bdaa412975bda7e2f7bc8c2
  jmespath (1.6.2) sha256=238d774a58723d6c090494c8879b5e9918c19485f7e840f2c1c7532cf84ebcb1
  json (2.11.3) sha256=9a10f658a2de67c0eb837eb795dd48132ce797c403e52b5ebef87dcdc7f9ccc1
  jsonpath (1.1.5) sha256=29f70467193a2dc93ab864ec3d3326d54267961acc623f487340eb9c34931dbe
  jwt (2.10.1) sha256=e6424ae1d813f63e761a04d6284e10e7ec531d6f701917fadcd0d9b2deaf1cc5
  kubeclient (4.12.0) sha256=8610b90f8c767303a633b0aafa53d9f61af03f5d9fca96fc0f21380843c309bd
  language_server-protocol (3.17.0.4) sha256=c484626478664fd13482d8180947c50a8590484b1258b99b7aedb3b69df89669
  large_object_store (1.8.0) sha256=9bea2f6f7779182400c6a4c7921de230ac24aff986d5d9f4736b13228d6015bf
  libdatadog (16.0.1.1.0) sha256=e1418fdbc5cf7ecd402ffa1e055e71e7eb00497df4ead178207941d720062e5c
  libdatadog (16.0.1.1.0-aarch64-linux) sha256=a2e7d77884e4b614fd6fb32ed2b3270937ba451a36ebdf5ceee99c370701cc5e
  libdatadog (16.0.1.1.0-x86_64-linux) sha256=9d72153c63a34ddb0a6c024b850a2219dea0a73a13625866ad885b4020fe9abf
  libddwaf (1.22.0.0.2) sha256=c4ccf484de31fb3433cccd24c5fde6050bb15482fc5a83b2554c685737fd9cbf
  libddwaf (1.22.0.0.2-aarch64-linux) sha256=b235de2361a05fc8e413c5e33d7e6f2b1e26603a6d86ba5d4aecf43dea6060e5
  libddwaf (1.22.0.0.2-arm64-darwin) sha256=0b43beccc1b604e2f4d2fbd4488adc902836f42195b2aeb2f3401502ce5f55b1
  libddwaf (1.22.0.0.2-x86_64-darwin) sha256=1506745daefb03ae99e53ade683a304c319cde89fdce200a594a3f276c9345c6
  libddwaf (1.22.0.0.2-x86_64-linux) sha256=6b6d55f67a287ff80fe306d625f393e37246d2022689d879f65dbab3a5b5287c
  llhttp-ffi (0.5.1) sha256=9a25a7fc19311f691a78c9c0ac0fbf4675adbd0cca74310228fdf841018fa7bc
  logger (1.7.0) sha256=196edec7cc44b66cfb40f9755ce11b392f21f7967696af15d274dde7edff0203
  lograge (0.14.0) sha256=42371a75823775f166f727639f5ddce73dd149452a55fc94b90c303213dc9ae1
  logstash-event (1.2.02) sha256=89a7dc60fac67070a5f60ba07409e541b09cb58906c391e90cb74b9f217467ae
  loofah (2.24.0) sha256=61e6a710883abb8210887f3dc868cf3ed66594c509d9ff6987621efa6651ee1e
  mail (2.7.1) sha256=ec2a3d489f7510b90d8eaa3f6abaad7038cf1d663cdf8ee66d0214a0bdf99c03
  marco-polo (2.0.3) sha256=d669d3c4bbe0b1f285ccb72211f533b89ac7bf0ad9b77c016c7986520c5aaf5d
  maxitest (3.7.0) sha256=883e8972422c210de017aa63327320a29d5b9ed4435cb7eca0a7041bbc52c047
  method_source (1.1.0) sha256=181301c9c45b731b4769bc81e8860e72f9161ad7d66dd99103c9ab84f560f5c5
  mime-types (3.7.0) sha256=dcebf61c246f08e15a4de34e386ebe8233791e868564a470c3fe77c00eed5e56
  mime-types-data (3.2025.0507) sha256=0e737b8bce30d60839bd2ac4fe1569966ce54bd5709346154752cd5514a63bd9
  mini_mime (1.1.5) sha256=8681b7e2e4215f2a159f9400b5816d85e9d8c6c6b491e96a12797e798f8bccef
  mini_portile2 (2.8.9) sha256=0cd7c7f824e010c072e33f68bc02d85a00aeb6fce05bb4819c03dfd3c140c289
  minitest (5.14.4) sha256=f4716634d71b3ffb627cd63ba4f6f0f77c7a3f17353b1bdf52c8a7f2e0e4e7a7
  mixlib-shellout (3.3.9) sha256=0edf5ee3b07526de8eb5219af051752fb8df2691dc030ce233e248dedf4fd388
  mocha (2.7.1) sha256=8f7d538d5d3ebc75fc788b3d92fbab913a93a78462d2a3ce99d1bdde7af7f851
  momentjs-rails (2.29.4.1) sha256=c7f9bc583872b628f8723319f4ae12a646c858c1c3ddb352bc75d5a7aa0b9e01
  msgpack (1.8.0) sha256=e64ce0212000d016809f5048b48eb3a65ffb169db22238fb4b72472fecb2d732
  multi_json (1.15.0) sha256=1fd04138b6e4a90017e8d1b804c039031399866ff3fbabb7822aea367c78615d
  multi_xml (0.7.2) sha256=307a96dc48613badb7b2fc174fd4e62d7c7b619bc36ea33bfd0c49f64f5787ce
  multipart-post (2.4.1) sha256=9872d03a8e552020ca096adadbf5e3cb1cd1cdd6acd3c161136b8a5737cdb4a8
  mutex_m (0.3.0) sha256=cfcb04ac16b69c4813777022fdceda24e9f798e48092a2b817eb4c0a782b0751
  mysql2 (0.5.6) sha256=70f447d45d6b3cc16b00f7dd30366f708a81b4093a35d026ff7135d778d8da33
  net-http (0.6.0) sha256=9621b20c137898af9d890556848c93603716cab516dc2c89b01a38b894e259fb
  net-http-persistent (4.0.5) sha256=6e42880b347e650ffeaf679ae59c9d5a6ed8a22cda6e1b959d9c270050aefa8e
  net-imap (0.5.8) sha256=52aa5fdfc1a8a3df1f793b20a327e95b5a9dfe1d733e1f0d53075d2dbcfcf593
  net-ldap (0.19.0) sha256=be2a379ccbd28fc75fb70a94af74e3a9a6866b84574247fc243e0abdd2f82f3d
  net-pop (0.1.2) sha256=848b4e982013c15b2f0382792268763b748cce91c9e91e36b0f27ed26420dff3
  net-protocol (0.2.2) sha256=aa73e0cba6a125369de9837b8d8ef82a61849360eba0521900e2c3713aa162a8
  net-smtp (0.5.1) sha256=ed96a0af63c524fceb4b29b0d352195c30d82dd916a42f03c62a3a70e5b70736
  netrc (0.11.0) sha256=de1ce33da8c99ab1d97871726cba75151113f117146becbe45aa85cb3dabee3f
  newrelic_rpm (9.19.0) sha256=b07bfbdb3526899c0e36ad7db7b83d258b89ce7d4e4bcf8d9e5368207f7da24f
  nio4r (2.7.4) sha256=d95dee68e0bb251b8ff90ac3423a511e3b784124e5db7ff5f4813a220ae73ca9
  nokogiri (1.18.9) sha256=ac5a7d93fd0e3cef388800b037407890882413feccca79eb0272a2715a82fa33
  nokogiri (1.18.9-aarch64-linux-gnu) sha256=5bcfdf7aa8d1056a7ad5e52e1adffc64ef53d12d0724fbc6f458a3af1a4b9e32
  nokogiri (1.18.9-arm64-darwin) sha256=eea3f1f06463ff6309d3ff5b88033c4948d0da1ab3cc0a3a24f63c4d4a763979
  nokogiri (1.18.9-x86_64-darwin) sha256=e0d2deb03d3d7af8016e8c9df5ff4a7d692159cefb135cbb6a4109f265652348
  nokogiri (1.18.9-x86_64-linux-gnu) sha256=b52f5defedc53d14f71eeaaf990da66b077e1918a2e13088b6a96d0230f44360
  oauth2 (2.0.9) sha256=b21f9defcf52dc1610e0dfab4c868342173dcd707fd15c777d9f4f04e153f7fb
  octokit (6.1.1) sha256=920e4a9d820205f70738f58de6a7e6ef0e2f25b27db954b5806a63105207b0bf
  omniauth (2.0.4) sha256=403d011497d4b0cd70573d5cde739808d9a4187813c6992d022b15b5db2c581c
  omniauth-atlassian-bitbucket (0.1.0) sha256=8b563f8eb538e0f89886647abe745c8a51eaf6be8b7ae398eed7dbb2502848c9
  omniauth-github (2.0.1)
  omniauth-gitlab (4.1.0) sha256=543f1fa710488220b382bd683a3f314f5b29c36de85ad746f356f37795959613
  omniauth-google-oauth2 (1.2.1) sha256=c81c50b680fc3372d0c18147cdaf9764a67ace9e7e4e6afe7b869a01fa1aaedd
  omniauth-ldap (2.0.0)
  omniauth-oauth2 (1.8.0) sha256=b2f8e9559cc7e2d4efba57607691d6d2b634b879fc5b5b6ccfefa3da85089e78
  omniauth-rails_csrf_protection (1.0.2) sha256=1170fd672aff092b9b7ebebc1453559f073ed001e3ce62a1df616e32f8dc5fe0
  ostruct (0.6.1) sha256=09a3fb7ecc1fa4039f25418cc05ae9c82bd520472c5c6a6f515f03e4988cb817
  pagy (4.11.0) sha256=9c251e3a9d0ce568f763fafba594629ec508aa685e5f06cd448d1e792b251f04
  parallel (1.27.0) sha256=4ac151e1806b755fb4e2dc2332cbf0e54f2e24ba821ff2d3dcf86bf6dc4ae130
  parallel_tests (4.10.1) sha256=df05458c691462b210f7a41fc2651d4e4e8a881e8190e6d1e122c92c07735d70
  parser (3.3.8.0) sha256=2476364142b307fa5a1b1ece44f260728be23858a9c71078e956131a75453c45
  path_expander (1.1.3) sha256=bea16440dea5a770b9765312c8037931cc576f4f2872d71133a3e480028f9f67
  pg (1.5.9) sha256=761efbdf73b66516f0c26fcbe6515dc7500c3f0aa1a1b853feae245433c64fdc
  prism (1.4.0) sha256=dc0e3e00e93160213dc2a65519d9002a4a1e7b962db57d444cf1a71565bb703e
  pry (0.15.2) sha256=12d54b8640d3fa29c9211dd4ffb08f3fd8bf7a4fd9b5a73ce5b59c8709385b6b
  pry-byebug (3.11.0) sha256=0b0abb7d309bc7f00044d512a3c8567274f7012b944b38becc8440439a1cea72
  pry-rails (0.3.11) sha256=a69e28e24a34d75d1f60bcf241192a54253f8f7ef8a62cba1e75750a9653593d
  pry-rescue (1.6.0) sha256=985bfd506d9866b587fd86790cf8445266a41b7f92c627fc5b21ec7d92aba6db
  pry-stack_explorer (0.6.1) sha256=a2dbea9b47c4ad00cf5c1ce21499f8128b915089e90015f7bafb6e9453baf340
  public_suffix (5.1.1) sha256=250ec74630d735194c797491c85e3c6a141d7b5d9bd0b66a3fa6268cf67066ed
  puma (5.6.9) sha256=20701b2451080ec8d6d78d2e4b5a2913e6d0b865a51d704a4d60db8fd39a4228
  pyu-ruby-sasl (0.0.3.3) sha256=5683a6bc5738db5a1bf5ceddeaf545405fb241b4184dd4f2587e679a7e9497e5
  racc (1.8.1) sha256=4a7f6929691dbec8b5209a0b373bc2614882b55fc5d2e447a21aaa691303d62f
  rack (2.2.14) sha256=76195d66a344087f28398b2f513da5a46641a4c3eb6d361e1b330c8ea72eed53
  rack-mini-profiler (3.3.1) sha256=2bf0de7d5795f54581e453b248e42cc50e8d0529efac73828653a9ad2407a801
  rack-protection (3.2.0) sha256=3c74ba7fc59066453d61af9bcba5b6fe7a9b3dab6f445418d3b391d5ea8efbff
  rack-test (2.2.0) sha256=005a36692c306ac0b4a9350355ee080fd09ddef1148a5f8b2ac636c720f5c463
  rails-assets-bootstrap-select (1.12.4) sha256=1eecb330628549eddef7b5916219f894bb65b6b999b7a4cf468ed9e3da970986
  rails-assets-jquery (3.7.1) sha256=e5984bb5df0642190f6fa6f9737a2905b60e2b1f14f944e6c80cb96ff44dcb68
  rails-assets-jquery-cookie (1.4.1) sha256=df353d5558049f88ae7bc8960ae697d76988c3b311d9160e1cd0ed137ec2b305
  rails-assets-jquery-ui (1.12.1) sha256=9da76f53313a78543928754c6fd9e441a07e6e172c39eb36c42a31dc5f3f9cc5
  rails-assets-jquery-ujs (1.2.2) sha256=920889d07b9484bd0cb7e78a61079936e0f53f48d97b163e6d710f72b292c824
  rails-assets-jsSHA (2.3.1) sha256=b1065a27f9580ab5f394025326c452666c62cdcda4a40cf064c0205610078b70
  rails-assets-jstimezonedetect (1.0.5) sha256=f847779b4fc4d4bd75e91d69ece65de2d3411dbeb46988f7732740411101bd38
  rails-assets-typeahead.js (0.11.1) sha256=f35b3a734b74fa1a12efb724de69c3dc65f3a46fe67c3c6ba65127dab5f93ee7
  rails-assets-underscore (1.13.7)
  rails-assets-x-editable (1.5.1) sha256=3ddc09807b332923b8d7c1d587fa2d8dc088cdacf44f7f8163c66cb594954188
  rails-controller-testing (1.0.5) sha256=741448db59366073e86fc965ba403f881c636b79a2c39a48d0486f2607182e94
  rails-dom-testing (2.2.0) sha256=e515712e48df1f687a1d7c380fd7b07b8558faa26464474da64183a7426fa93b
  rails-html-sanitizer (1.6.2) sha256=35fce2ca8242da8775c83b6ba9c1bcaad6751d9eb73c1abaa8403475ab89a560
  railties (7.0.8.7) sha256=1ab985280b02bc4b176d36e1011148db600b763c646e3de88c02a665d864505f
  rainbow (3.1.1) sha256=039491aa3a89f42efa1d6dec2fc4e62ede96eb6acd95e52f1ad581182b79bc6a
  rake (13.2.1) sha256=46cb38dae65d7d74b6020a4ac9d48afed8eb8149c040eccf0523bec91907059d
  rbtree3 (0.7.1) sha256=ab60ead728a5491b70df4f4065e180b18dbab5319f817ce1dbf5dd906f26d8ba
  recursive-open-struct (1.3.1) sha256=141b4a9c8817bb30f4275c5adb1b5bebaba41bf9b7dd6d6a75ad394390ad8720
  regexp_parser (2.10.0) sha256=cb6f0ddde88772cd64bff1dbbf68df66d376043fe2e66a9ef77fcb1b0c548c61
  request_store (1.7.0) sha256=e1b75d5346a315f452242a68c937ef8e48b215b9453a77a6c0acdca2934c88cb
  rest-client (2.1.0) sha256=35a6400bdb14fae28596618e312776c158f7ebbb0ccad752ff4fa142bf2747e3
  rexml (3.4.1) sha256=c74527a9a0a04b4ec31dbe0dc4ed6004b960af943d8db42e539edde3a871abca
  rollbar (2.27.1) sha256=ee01a85242ab3b577cfb46125421fb0941369cf0f30ebfd4044b8e434435aed6
  rollbar-user_informer (0.1.0) sha256=9f009bf77a855cc74b0d3a8d78152f2d612b0087420129ad2db2444b3b173bc0
  rubocop (1.70.0) sha256=96751f8440b36a0ac6e9a8ab596900803118d83d6b83f2037bf8b3d7a5bc440e
  rubocop-ast (1.44.1) sha256=e3cc04203b2ef04f6d6cf5f85fe6d643f442b18cc3b23e3ada0ce5b6521b8e92
  rubocop-rails (2.29.1) sha256=41c2fcf48d5d62f4a5f574d5f1c97bbaf4cba88ee367936c98b3422d047b17aa
  ruby-progressbar (1.13.0) sha256=80fc9c47a9b640d6834e0dc7b3c94c9df37f08cb072b7761e4a71e22cff29b33
  ruby2_keywords (0.0.5) sha256=ffd13740c573b7301cf7a2e61fc857b2a8e3d3aff32545d6f8300d8bae10e3ef
  ruby_parser (3.21.1) sha256=9d931abe5aec287d65280f811d3cf672564956ef1bd49f528ca48479984d6fec
  rubyntlm (0.6.5) sha256=47013402b99ae29ee93f930af51edaec8c6008556f4be25705a422b4430314f5
  samson_airbrake (0.0.0)
  samson_airbrake_hook (0.0.0)
  samson_assertible (0.0.0)
  samson_aws_ecr (0.0.0)
  samson_aws_sts (0.0.0)
  samson_datadog (0.0.0)
  samson_datadog_tracer (0.0.1)
  samson_env (0.0.0)
  samson_flowdock (0.0.0)
  samson_github (0.0.0)
  samson_gitlab (0.0.0)
  samson_jenkins (0.0.0)
  samson_jenkins_status_checker (0.0.0)
  samson_jira (0.0.0)
  samson_kubernetes (0.0.1)
  samson_ledger (0.0.1)
  samson_new_relic (0.0.0)
  samson_pipelines (0.0.0)
  samson_prerequisite_stages (0.0.0)
  samson_rollbar (0.0.0)
  samson_rollbar_dashboards (0.0.0)
  samson_rollbar_hook (0.0.0)
  samson_sentry (0.0.0)
  samson_slack_app (0.0.0)
  samson_slack_webhooks (0.0.0)
  samson_zendesk (0.0.0)
  sass-rails (6.0.0) sha256=e0b6448ea1c7929fd5929fc7a8eb2d78045e44cc82fc0765a249d3fa1c5810d3
  sassc (2.4.0) sha256=4c60a2b0a3b36685c83b80d5789401c2f678c1652e3288315a1551d811d9f83e
  sassc-rails (2.1.2) sha256=5f4fdf3881fc9bdc8e856ffbd9850d70a2878866feae8114aa45996179952db5
  sawyer (0.9.2) sha256=fa3a72d62a4525517b18857ddb78926aab3424de0129be6772a8e2ba240e7aca
  sentry-rails (5.23.0) sha256=8d2cbc3c85e343c1e882d7c8595d410e0c3afa3b005f51430225b938e128dec4
  sentry-ruby (5.23.0) sha256=8e8bb2f9a56a267a50fcba947f2ae131b6542f45fc3bb5764c2c25ba68f385cc
  sentry-user_informer (0.3.0) sha256=e818c1a2331ea016a528b16616933e33a4347e48bbd851b4e059730666fd5bca
  sexp_processor (4.17.3) sha256=5ef0d952565eeedb416519f678b6b41c6ab6700abba828f46986f2d85d295dae
  single_cov (1.5.0) sha256=ad34f2268be609c76eed4167b3f795b2dc03481a17406a66303f5884af705850
  snaky_hash (2.0.1) sha256=1ac87ec157fcfe7a460e821e0cd48ae1e6f5e3e082ab520f03f31a9259dbdc31
  socksify (1.7.1) sha256=d1b2c7ae908ad1a3f1ea5184065e856b7edbabef61b40c00a4231c4f2ebae4ba
  soft_deletion (1.13.0) sha256=a9f5cb88a7f994486779f715db7b074121538da92625d6a9241729809ad1916b
  sprockets (3.7.5) sha256=72c20f256548f8a37fe7db41d96be86c3262fddaf4ebe9d69ec8317394fed383
  sprockets-rails (3.5.2) sha256=a9e88e6ce9f8c912d349aa5401509165ec42326baf9e942a85de4b76dbc4119e
  sqlite3 (1.7.3) sha256=fa77f63c709548f46d4e9b6bb45cda52aa3881aa12cc85991132758e8968701c
  sqlite3 (1.7.3-aarch64-linux) sha256=0ccb8c001cd2617f4801a2c816142d3c9bc299e3f3e0f49e03812f3610b0891c
  sqlite3 (1.7.3-arm64-darwin) sha256=b956160cc882d2568f332f915c9fe27cae9a4521b202d6e7ea540171c88e4600
  sqlite3 (1.7.3-x86_64-darwin) sha256=b88e117ae14b2c5b61a7eb14da24b3b0e93cd3e1c17774ff3b6e5a03ffe4e5b7
  sqlite3 (1.7.3-x86_64-linux) sha256=522a3285660dec8253465880c97980e873db0d79060900be8d14194217a3ee73
  stackprof (0.2.12) sha256=9cc4f37647d6260e757a3af58f03865ac839a5647047fa002c3a8a67099df5ec
  terminal-table (3.0.2) sha256=f951b6af5f3e00203fb290a669e0a85c5dd5b051b3b023392ccfd67ba5abae91
  thor (1.3.2) sha256=eef0293b9e24158ccad7ab383ae83534b7ad4ed99c09f96f1a6b036550abbeda
  tilt (2.6.0) sha256=263d748466e0d83e510aa1a2e2281eff547937f0ef06be33d3632721e255f76b
  timeout (0.4.3) sha256=9509f079b2b55fe4236d79633bd75e34c1c1e7e3fb4b56cb5fda61f80a0fe30e
  tzinfo (2.0.6) sha256=8daf828cc77bcf7d63b0e3bdb6caa47e2272dcfaf4fbfe46f8c3a9df087a829b
  uglifier (3.2.0) sha256=dfbedad6df597d13aed499e038a4779d7f7002214adc57da808633db89ddb872
  unicode-display_width (2.6.0) sha256=12279874bba6d5e4d2728cef814b19197dbb10d7a7837a869bab65da943b7f5a
  uri (1.0.3) sha256=e9f2244608eea2f7bc357d954c65c910ce0399ca5e18a7a29207ac22d8767011
  validates_lengths_from_database (0.8.0) sha256=a4cfbbd49673da331c4f098ade90893dde531cae7ca37da41b8f79e15bc0538b
  vault (0.12.0)
  version_gem (1.1.8) sha256=a964767ecbe36551b9ff2e59099548c27569f2f7f94bdb09f609d76393a8e008
  warden (1.2.9) sha256=46684f885d35a69dbb883deabf85a222c8e427a957804719e143005df7a1efd0
  webmock (3.25.1) sha256=ab9d5d9353bcbe6322c83e1c60a7103988efc7b67cd72ffb9012629c3d396323
  websocket-driver (0.7.7) sha256=056d99f2cd545712cfb1291650fde7478e4f2661dc1db6a0fa3b966231a146b4
  websocket-extensions (0.1.5) sha256=1c6ba63092cda343eb53fc657110c71c754c56484aad42578495227d717a8241
  zeitwerk (2.7.2) sha256=842e067cb11eb923d747249badfb5fcdc9652d6f20a1f06453317920fdcd4673
  zendesk_api (2.0.1) sha256=ed1862c0b999a8ad9ec43e88f4eb722a5fd0d12c439842acbe8fb00f4ac55132
  zstd-ruby (1.5.6.6) sha256=36b6dc2472164e2e61c4be4fb9b39b1fa82191bfa881f9525ea777e0475a1a07

RUBY VERSION
   ruby 3.3.8p144

BUNDLED WITH
   2.6.8
