PATH
  remote: plugins/airbrake
  specs:
    samson_airbrake (0.0.0)
      airbrake

PATH
  remote: plugins/aws_ecr
  specs:
    samson_aws_ecr (0.0.0)
      aws-sdk-core

PATH
  remote: plugins/datadog
  specs:
    samson_datadog (0.0.0)
      dogapi (~> 1.9)

PATH
  remote: plugins/docker_binary_builder
  specs:
    samson_docker_binary_builder (0.0.0)

PATH
  remote: plugins/dockerb
  specs:
    samson_dockerb (0.0.0)
      dockerb

PATH
  remote: plugins/env
  specs:
    samson_env (0.0.0)
      dotenv

PATH
  remote: plugins/flowdock
  specs:
    samson_flowdock (0.0.0)
      flowdock (~> 0.6.0)

PATH
  remote: plugins/gcloud_image_tagger
  specs:
    gcloud_image_tagger (0.0.0)

PATH
  remote: plugins/github
  specs:
    samson_github (0.0.0)

PATH
  remote: plugins/hyperclair
  specs:
    samson_hyperclair (0.0.0)

PATH
  remote: plugins/jenkins
  specs:
    samson_jenkins (0.0.0)
      jenkins_api_client (~> 1.3)

PATH
  remote: plugins/kubernetes
  specs:
    samson_kubernetes (0.0.1)
      kubeclient (>= 2)

PATH
  remote: plugins/new_relic
  specs:
    samson_new_relic (0.0.0)

PATH
  remote: plugins/pipelines
  specs:
    samson_pipelines (0.0.0)

PATH
  remote: plugins/rollbar
  specs:
    samson_rollbar (0.0.0)

PATH
  remote: plugins/samson_ledger
  specs:
    samson_ledger (0.0.1)
      faraday

PATH
  remote: plugins/slack_app
  specs:
    samson_slack_app (0.0.0)

PATH
  remote: plugins/slack_webhooks
  specs:
    samson_slack_webhooks (0.0.0)
      faraday

PATH
  remote: plugins/zendesk
  specs:
    samson_zendesk (0.0.0)
      zendesk_api

GEM
  remote: https://rubygems.org/
  remote: https://rails-assets.org/
  specs:
    actioncable (5.1.0)
      actionpack (= 5.1.0)
      nio4r (~> 2.0)
      websocket-driver (~> 0.6.1)
    actionmailer (5.1.0)
      actionpack (= 5.1.0)
      actionview (= 5.1.0)
      activejob (= 5.1.0)
      mail (~> 2.5, >= 2.5.4)
      rails-dom-testing (~> 2.0)
    actionpack (5.1.0)
      actionview (= 5.1.0)
      activesupport (= 5.1.0)
      rack (~> 2.0)
      rack-test (~> 0.6.3)
      rails-dom-testing (~> 2.0)
      rails-html-sanitizer (~> 1.0, >= 1.0.2)
    actionview (5.1.0)
      activesupport (= 5.1.0)
      builder (~> 3.1)
      erubi (~> 1.4)
      rails-dom-testing (~> 2.0)
      rails-html-sanitizer (~> 1.0, >= 1.0.3)
    active_hash (1.4.1)
      activesupport (>= 2.2.2)
    activejob (5.1.0)
      activesupport (= 5.1.0)
      globalid (>= 0.3.6)
    activemodel (5.1.0)
      activesupport (= 5.1.0)
    activerecord (5.1.0)
      activemodel (= 5.1.0)
      activesupport (= 5.1.0)
      arel (~> 8.0)
    activesupport (5.1.0)
      concurrent-ruby (~> 1.0, >= 1.0.2)
      i18n (~> 0.7)
      minitest (~> 5.1)
      tzinfo (~> 1.1)
    addressable (2.3.8)
    airbrake (6.1.2)
      airbrake-ruby (~> 2.2, >= 2.2.5)
    airbrake-ruby (2.2.6)
    airbrake-user_informer (0.2.0)
      airbrake (~> 6.0)
      airbrake-ruby (~> 2.0)
      rack
      railties (>= 5.0.0, < 5.2.0)
    ansible (0.2.2)
    ar_multi_threaded_transactional_tests (0.2.1)
      activerecord (>= 4.2.0, < 5.2.0)
    arel (8.0.0)
    ast (2.3.0)
    attr_encrypted (3.0.3)
      encryptor (~> 3.0.0)
    audited (4.5.0)
      activerecord (>= 4.0, < 5.2)
    autoprefixer-rails (6.3.3.1)
      execjs
    awesome_print (1.6.1)
    aws-sdk-core (2.2.36)
      jmespath (~> 1.0)
    bootsnap (1.0.0)
      msgpack (~> 1.0)
    bootstrap-sass (3.3.6)
      autoprefixer-rails (>= 5.2.1)
      sass (>= 3.3.4)
    brakeman (4.0.1)
    builder (3.2.3)
    bundler-audit (0.5.0)
      bundler (~> 1.2)
      thor (~> 0.18)
    byebug (8.2.2)
    coderay (1.1.1)
    concurrent-ruby (1.0.5)
    connection_pool (2.2.1)
    crack (0.4.3)
      safe_yaml (~> 1.0.0)
    dalli (2.7.6)
    ddtrace (0.8.2)
      msgpack
    diffy (3.2.0)
    docker-api (1.33.6)
      excon (>= 0.38.0)
      json
    dockerb (0.3.0)
    dogapi (1.21.0)
      multi_json
    dogstatsd-ruby (3.0.0)
    domain_name (0.5.20160826)
      unf (>= 0.0.5, < 1.0.0)
    doorkeeper (4.2.5)
      railties (>= 4.2)
    dotenv (2.2.1)
    encryptor (3.0.0)
    erubi (1.6.0)
    erubis (2.7.0)
    excon (0.57.1)
    execjs (2.7.0)
    faraday (0.9.2)
      multipart-post (>= 1.2, < 3)
    faraday-http-cache (2.0.0)
      faraday (~> 0.8)
    flay (2.9.0)
      erubis (~> 2.7.0)
      path_expander (~> 1.0)
      ruby_parser (~> 3.0)
      sexp_processor (~> 4.0)
    flowdock (0.6.0)
      httparty (~> 0.7)
      multi_json
    forking_test_runner (1.0.0)
      activerecord (< 5.2.0)
      parallel_tests (>= 1.3.7)
    github-markdown (0.6.9)
    globalid (0.4.0)
      activesupport (>= 4.2.0)
    goldiloader (2.0.1)
      activerecord (>= 4.2, < 5.2)
      activesupport (>= 4.2, < 5.2)
    hashdiff (0.3.4)
    hashie (3.5.5)
    http (0.9.8)
      addressable (~> 2.3)
      http-cookie (~> 1.0)
      http-form_data (~> 1.0.1)
      http_parser.rb (~> 0.6.0)
    http-cookie (1.0.3)
      domain_name (~> 0.5)
    http-form_data (1.0.1)
    http_parser.rb (0.6.0)
    httparty (0.14.0)
      multi_xml (>= 0.5.2)
    i18n (0.8.1)
    inflection (1.0.0)
    jenkins_api_client (1.5.3)
      json (>= 1.0)
      mixlib-shellout (>= 1.1.0)
      nokogiri (~> 1.6)
      socksify (>= 1.7.0)
      terminal-table (>= 1.4.0)
      thor (>= 0.16.0)
    jmespath (1.2.4)
      json_pure (>= 1.8.1)
    json (2.1.0)
    json_pure (1.8.3)
    jwt (1.5.1)
    kaminari (0.17.0)
      actionpack (>= 3.0.0)
      activesupport (>= 3.0.0)
    kubeclient (2.1.0)
      http (= 0.9.8)
      recursive-open-struct (= 1.0.0)
      rest-client
    lograge (0.5.0)
      actionpack (>= 4, <= 5.1.0)
      activesupport (>= 4, <= 5.1.0)
      railties (>= 4, <= 5.1.0)
    logstash-event (1.2.02)
    loofah (2.0.3)
      nokogiri (>= 1.5.9)
    mail (2.6.5)
      mime-types (>= 1.16, < 4)
    marco-polo (1.2.1)
    maxitest (2.4.0)
      minitest (>= 5.0.0, < 5.11.0)
    metaclass (0.0.4)
    method_source (0.8.2)
    mime-types (2.99.3)
    mini_portile2 (2.3.0)
    minitest (5.10.1)
    minitest-rails (3.0.0)
      minitest (~> 5.8)
      railties (~> 5.0)
    mixlib-shellout (2.2.7)
    mocha (1.2.1)
      metaclass (~> 0.0.1)
    msgpack (1.1.0)
    multi_json (1.12.0)
    multi_xml (0.5.5)
    multipart-post (2.0.0)
    mysql2 (0.4.5)
    net-http-persistent (2.9.4)
    net-ldap (0.14.0)
    netrc (0.11.0)
    newrelic_rpm (4.1.0.333)
    ngannotate-rails (1.2.2)
      execjs
      rails (>= 3.1)
    nio4r (2.0.0)
    nokogiri (1.8.1)
      mini_portile2 (~> 2.3.0)
    oauth (0.5.3)
    oauth2 (1.1.0)
      faraday (>= 0.8, < 0.10)
      jwt (~> 1.0, < 1.5.2)
      multi_json (~> 1.3)
      multi_xml (~> 0.5)
      rack (>= 1.2, < 3)
    octokit (4.2.0)
      sawyer (~> 0.6.0, >= 0.5.3)
    omniauth (1.6.1)
      hashie (>= 3.4.6, < 3.6.0)
      rack (>= 1.6.2, < 3)
    omniauth-bitbucket (0.0.2)
      multi_json (~> 1.7)
      omniauth (~> 1.1)
      omniauth-oauth (~> 1.0)
    omniauth-github (1.1.2)
      omniauth (~> 1.0)
      omniauth-oauth2 (~> 1.1)
    omniauth-gitlab (1.0.2)
      omniauth (~> 1.0)
      omniauth-oauth2 (~> 1.0)
    omniauth-google-oauth2 (0.4.0)
      jwt (~> 1.5.0)
      multi_json (~> 1.3)
      omniauth (>= 1.1.1)
      omniauth-oauth2 (>= 1.3.1)
    omniauth-ldap (1.0.5)
      net-ldap (~> 0.12)
      omniauth (~> 1.0)
      pyu-ruby-sasl (~> 0.0.3.2)
      rubyntlm (~> 0.3.4)
    omniauth-oauth (1.1.0)
      oauth
      omniauth (~> 1.0)
    omniauth-oauth2 (1.4.0)
      oauth2 (~> 1.0)
      omniauth (~> 1.2)
    parallel (1.10.0)
    parallel_tests (2.12.0)
      parallel
    parser (2.4.0.0)
      ast (~> 2.2)
    path_expander (1.0.1)
    pg (0.20.0)
    powerpack (0.1.1)
    pry (0.10.3)
      coderay (~> 1.1.0)
      method_source (~> 0.8.1)
      slop (~> 3.4)
    pry-rails (0.3.4)
      pry (>= 0.9.10)
    puma (3.8.2)
    pyu-ruby-sasl (0.0.3.3)
    rack (2.0.1)
    rack-mini-profiler (0.10.2)
      rack (>= 1.2.0)
    rack-test (0.6.3)
      rack (>= 1.0)
    rails (5.1.0)
      actioncable (= 5.1.0)
      actionmailer (= 5.1.0)
      actionpack (= 5.1.0)
      actionview (= 5.1.0)
      activejob (= 5.1.0)
      activemodel (= 5.1.0)
      activerecord (= 5.1.0)
      activesupport (= 5.1.0)
      bundler (>= 1.3.0, < 2.0)
      railties (= 5.1.0)
      sprockets-rails (>= 2.0.0)
    rails-assets-angular (1.4.9)
    rails-assets-angular-mocks (1.4.9)
      rails-assets-angular (= 1.4.9)
    rails-assets-angular-scenario (1.4.9)
      rails-assets-angular (= 1.4.9)
    rails-assets-bootstrap-select (1.10.0)
      rails-assets-jquery (>= 1.8)
    rails-assets-jquery (2.2.1)
    rails-assets-jquery-cookie (1.4.1)
      rails-assets-jquery (>= 1.2)
    rails-assets-jquery-ui (1.11.4)
      rails-assets-jquery (>= 1.6)
    rails-assets-jquery-ujs (1.2.0)
      rails-assets-jquery (> 1.8)
    rails-assets-jstimezonedetect (1.0.5)
    rails-assets-moment (2.11.2)
    rails-assets-typeahead.js (0.11.1)
      rails-assets-jquery (>= 1.7)
    rails-assets-underscore (1.8.3)
    rails-assets-x-editable (1.5.1)
      rails-assets-jquery (>= 1.6)
    rails-controller-testing (1.0.1)
      actionpack (~> 5.x)
      actionview (~> 5.x)
      activesupport (~> 5.x)
    rails-dom-testing (2.0.2)
      activesupport (>= 4.2.0, < 6.0)
      nokogiri (~> 1.6)
    rails-html-sanitizer (1.0.3)
      loofah (~> 2.0)
    railties (5.1.0)
      actionpack (= 5.1.0)
      activesupport (= 5.1.0)
      method_source
      rake (>= 0.8.7)
      thor (>= 0.18.1, < 2.0)
    rainbow (2.1.0)
    rake (12.0.0)
    recursive-open-struct (1.0.0)
    rest-client (2.0.0)
      http-cookie (>= 1.0.2, < 2.0)
      mime-types (>= 1.16, < 4.0)
      netrc (~> 0.8)
    rubocop (0.48.1)
      parser (>= 2.3.3.1, < 3.0)
      powerpack (~> 0.1)
      rainbow (>= 1.99.1, < 3.0)
      ruby-progressbar (~> 1.7)
      unicode-display_width (~> 1.0, >= 1.0.1)
    ruby-progressbar (1.8.1)
    ruby_parser (3.9.0)
      sexp_processor (~> 4.1)
    rubyntlm (0.3.4)
    safe_yaml (1.0.4)
    sass (3.4.22)
    sass-rails (5.0.6)
      railties (>= 4.0.0, < 6)
      sass (~> 3.1)
      sprockets (>= 2.8, < 4.0)
      sprockets-rails (>= 2.0, < 4.0)
      tilt (>= 1.1, < 3)
    sawyer (0.6.0)
      addressable (~> 2.3.5)
      faraday (~> 0.8, < 0.10)
    scrub_rb (1.0.1)
    sexp_processor (4.9.0)
    single_cov (0.5.9)
    slop (3.6.0)
    socksify (1.7.1)
    soft_deletion (1.1.0)
      activerecord (>= 3.2.0, < 5.2.0)
    sprockets (3.7.1)
      concurrent-ruby (~> 1.0)
      rack (> 1, < 3)
    sprockets-rails (3.2.0)
      actionpack (>= 4.0)
      activesupport (>= 4.0)
      sprockets (>= 3.0.0)
    sqlite3 (1.3.13)
    sse-rails-engine (1.6.0)
      rails (>= 4.2.0, < 5.2)
    terminal-table (1.7.3)
      unicode-display_width (~> 1.1.1)
    thor (0.19.4)
    thread_safe (0.3.6)
    tilt (2.0.5)
    tzinfo (1.2.3)
      thread_safe (~> 0.1)
    uglifier (3.2.0)
      execjs (>= 0.3.0, < 3)
    unf (0.1.4)
      unf_ext
    unf_ext (0.0.7.2)
    unicode-display_width (1.1.1)
    validates_lengths_from_database (0.6.0)
      activerecord (>= 3)
    vault (0.7.1)
    warden (1.2.7)
      rack (>= 1.0)
    webmock (3.0.1)
      addressable (>= 2.3.6)
      crack (>= 0.3.2)
      hashdiff
    websocket-driver (0.6.5)
      websocket-extensions (>= 0.1.0)
    websocket-extensions (0.1.2)
    zendesk_api (1.13.4)
      faraday (~> 0.9)
      hashie (>= 1.2, < 4.0, != 3.3.0)
      inflection
      mime-types (~> 2.99)
      multipart-post (~> 2.0)
      scrub_rb (~> 1.0.1)

PLATFORMS
  ruby

DEPENDENCIES
  active_hash
  airbrake
  airbrake-user_informer
  ansible
  ar_multi_threaded_transactional_tests
  attr_encrypted
  audited
  awesome_print
  bootsnap
  bootstrap-sass
  brakeman
  bundler
  bundler-audit
  byebug
  coderay
  concurrent-ruby
  connection_pool
  dalli
  ddtrace
  diffy
  docker-api
  dogstatsd-ruby
  doorkeeper
  dotenv
  faraday
  faraday-http-cache
  flay
  forking_test_runner
  gcloud_image_tagger!
  github-markdown
  goldiloader
  kaminari
  lograge
  logstash-event
  marco-polo
  maxitest
  minitest-rails
  mocha
  mysql2
  net-http-persistent
  newrelic_rpm
  ngannotate-rails
  octokit
  omniauth
  omniauth-bitbucket
  omniauth-github
  omniauth-gitlab
  omniauth-google-oauth2
  omniauth-ldap
  omniauth-oauth2
  parallel_tests
  pg
  pry
  pry-rails
  puma
  rack-mini-profiler
  rails (= 5.1.0)
  rails-assets-angular!
  rails-assets-angular-mocks!
  rails-assets-angular-scenario!
  rails-assets-bootstrap-select!
  rails-assets-jquery!
  rails-assets-jquery-cookie!
  rails-assets-jquery-ui!
  rails-assets-jquery-ujs!
  rails-assets-jstimezonedetect!
  rails-assets-moment!
  rails-assets-typeahead.js!
  rails-assets-underscore!
  rails-assets-x-editable!
  rails-controller-testing
  rubocop
  samson_airbrake!
  samson_aws_ecr!
  samson_datadog!
  samson_docker_binary_builder!
  samson_dockerb!
  samson_env!
  samson_flowdock!
  samson_github!
  samson_hyperclair!
  samson_jenkins!
  samson_kubernetes!
  samson_ledger!
  samson_new_relic!
  samson_pipelines!
  samson_rollbar!
  samson_slack_app!
  samson_slack_webhooks!
  samson_zendesk!
  sass-rails
  sawyer
  single_cov
  soft_deletion
  sqlite3
  sse-rails-engine
  uglifier
  validates_lengths_from_database
  vault
  warden
  webmock

RUBY VERSION
   ruby 2.4.1p111

BUNDLED WITH
   1.16.0.pre.2
