PATH
  remote: plugins/docker_binary_builder
  specs:
    samson_docker_binary_builder (0.0.0)

PATH
  remote: plugins/dockerb
  specs:
    samson_dockerb (0.0.0)
      dockerb

PATH
  remote: plugins/env
  specs:
    samson_env (0.0.0)
      dotenv

PATH
  remote: plugins/flowdock
  specs:
    samson_flowdock (0.0.0)
      flowdock (~> 0.6.0)

PATH
  remote: plugins/jenkins
  specs:
    samson_jenkins (0.0.0)
      jenkins_api_client (~> 1.3)

PATH
  remote: plugins/kubernetes
  specs:
    samson_kubernetes (0.0.1)
      celluloid
      celluloid-io
      kubeclient (>= 1.1)

PATH
  remote: plugins/pipelines
  specs:
    samson_pipelines (0.0.0)

PATH
  remote: plugins/slack_webhooks
  specs:
    samson_slack_webhooks (0.0.0)
      faraday

PATH
  remote: plugins/zendesk
  specs:
    samson_zendesk (0.0.0)
      zendesk_api

GEM
  remote: https://rubygems.org/
  remote: https://rails-assets.org/
  specs:
    actionmailer (4.2.5.2)
      actionpack (= 4.2.5.2)
      actionview (= 4.2.5.2)
      activejob (= 4.2.5.2)
      mail (~> 2.5, >= 2.5.4)
      rails-dom-testing (~> 1.0, >= 1.0.5)
    actionpack (4.2.5.2)
      actionview (= 4.2.5.2)
      activesupport (= 4.2.5.2)
      rack (~> 1.6)
      rack-test (~> 0.6.2)
      rails-dom-testing (~> 1.0, >= 1.0.5)
      rails-html-sanitizer (~> 1.0, >= 1.0.2)
    actionview (4.2.5.2)
      activesupport (= 4.2.5.2)
      builder (~> 3.1)
      erubis (~> 2.7.0)
      rails-dom-testing (~> 1.0, >= 1.0.5)
      rails-html-sanitizer (~> 1.0, >= 1.0.2)
    active_hash (1.4.1)
      activesupport (>= 2.2.2)
    active_model_serializers (0.8.3)
      activemodel (>= 3.0)
    activejob (4.2.5.2)
      activesupport (= 4.2.5.2)
      globalid (>= 0.3.0)
    activemodel (4.2.5.2)
      activesupport (= 4.2.5.2)
      builder (~> 3.1)
    activerecord (4.2.5.2)
      activemodel (= 4.2.5.2)
      activesupport (= 4.2.5.2)
      arel (~> 6.0)
    activeresource (4.0.0)
      activemodel (~> 4.0)
      activesupport (~> 4.0)
      rails-observers (~> 0.1.1)
    activesupport (4.2.5.2)
      i18n (~> 0.7)
      json (~> 1.7, >= 1.7.7)
      minitest (~> 5.1)
      thread_safe (~> 0.3, >= 0.3.4)
      tzinfo (~> 1.1)
    addressable (2.3.8)
    airbrake (4.3.6)
      builder
      multi_json
    angular-rails-templates (1.0.0)
      railties (>= 4.2, < 6)
      sprockets (~> 3.0)
      tilt
    ansible (0.2.0)
    arel (6.0.3)
    autoprefixer-rails (6.3.3.1)
      execjs
    awesome_print (1.6.1)
    better_errors (2.1.1)
      coderay (>= 1.0.0)
      erubis (>= 2.6.6)
      rack (>= 0.9.0)
    binding_of_caller (0.7.2)
      debug_inspector (>= 0.0.1)
    bootscale (0.5.1)
    bootstrap-sass (3.3.6)
      autoprefixer-rails (>= 5.2.1)
      sass (>= 3.3.4)
    builder (3.2.2)
    byebug (8.2.2)
    celluloid (0.17.3)
      celluloid-essentials
      celluloid-extras
      celluloid-fsm
      celluloid-pool
      celluloid-supervision
      timers (>= 4.1.1)
    celluloid-essentials (0.20.5)
      timers (>= 4.1.1)
    celluloid-extras (0.20.5)
      timers (>= 4.1.1)
    celluloid-fsm (0.20.5)
      timers (>= 4.1.1)
    celluloid-io (0.17.3)
      celluloid (>= 0.17.2)
      nio4r (>= 1.1)
      timers (>= 4.1.1)
    celluloid-pool (0.20.5)
      timers (>= 4.1.1)
    celluloid-supervision (0.20.5)
      timers (>= 4.1.1)
    codeclimate-test-reporter (0.5.0)
      simplecov (>= 0.7.1, < 1.0.0)
    coderay (1.1.1)
    concurrent-ruby (1.0.1)
    crack (0.4.3)
      safe_yaml (~> 1.0.0)
    dalli (2.7.6)
    debug_inspector (0.0.2)
    docile (1.1.5)
    docker-api (1.26.2)
      excon (>= 0.38.0)
      json
    dockerb (0.3.0)
    dogapi (1.21.0)
      multi_json
    dogstatsd-ruby (1.5.0)
    domain_name (0.5.20160216)
      unf (>= 0.0.5, < 1.0.0)
    dotenv (0.11.1)
      dotenv-deployment (~> 0.0.2)
    dotenv-deployment (0.0.2)
    dotenv-rails (0.11.1)
      dotenv (= 0.11.1)
    erubis (2.7.0)
    excon (0.47.0)
    execjs (2.6.0)
    faraday (0.9.2)
      multipart-post (>= 1.2, < 3)
    faraday-http-cache (1.2.2)
      faraday (~> 0.8)
    flowdock (0.6.0)
      httparty (~> 0.7)
      multi_json
    github-markdown (0.6.9)
    globalid (0.3.6)
      activesupport (>= 4.1.0)
    goldiloader (0.0.10)
      activerecord (>= 3.2, < 5.1)
      activesupport (>= 3.2, < 5.1)
    hashdiff (0.3.0)
    hashie (3.4.3)
    hitimes (1.2.3)
    http (0.9.8)
      addressable (~> 2.3)
      http-cookie (~> 1.0)
      http-form_data (~> 1.0.1)
      http_parser.rb (~> 0.6.0)
    http-cookie (1.0.2)
      domain_name (~> 0.5)
    http-form_data (1.0.1)
    http_parser.rb (0.6.0)
    httparty (0.13.7)
      json (~> 1.8)
      multi_xml (>= 0.5.2)
    i18n (0.7.0)
    inflection (1.0.0)
    jenkins_api_client (1.4.2)
      json
      mixlib-shellout (>= 1.1.0)
      nokogiri (~> 1.6.0)
      terminal-table (>= 1.4.0)
      thor (>= 0.16.0)
    json (1.8.3)
    jwt (1.5.1)
    kaminari (0.16.3)
      actionpack (>= 3.0.0)
      activesupport (>= 3.0.0)
    kubeclient (1.1.1)
      activesupport
      http (= 0.9.8)
      json
      recursive-open-struct (= 1.0.0)
      rest-client
    lograge (0.3.6)
      actionpack (>= 3)
      activesupport (>= 3)
      railties (>= 3)
    logstash-event (1.2.02)
    loofah (2.0.3)
      nokogiri (>= 1.5.9)
    mail (2.6.3)
      mime-types (>= 1.16, < 3)
    maxitest (1.5.6)
      minitest (>= 5.0.0, < 5.9.0)
    metaclass (0.0.4)
    method_source (0.8.2)
    mime-types (2.99.1)
    mini_portile2 (2.0.0)
    minitest (5.8.4)
    minitest-rails (2.2.0)
      minitest (~> 5.7)
      railties (~> 4.1)
    mixlib-shellout (2.2.6)
    mocha (1.1.0)
      metaclass (~> 0.0.1)
    multi_json (1.11.2)
    multi_xml (0.5.5)
    multipart-post (2.0.0)
    mysql2 (0.4.3)
    net-http-persistent (2.9.4)
    net-ldap (0.14.0)
    netrc (0.11.0)
    newrelic_api (1.2.4)
    newrelic_rpm (3.15.0.314)
    ngannotate-rails (1.2.1)
      execjs
      rails (>= 3.1)
    nio4r (1.2.1)
    nokogiri (1.6.7.2)
      mini_portile2 (~> 2.0.0.rc2)
    oauth2 (1.1.0)
      faraday (>= 0.8, < 0.10)
      jwt (~> 1.0, < 1.5.2)
      multi_json (~> 1.3)
      multi_xml (~> 0.5)
      rack (>= 1.2, < 3)
    octokit (4.2.0)
      sawyer (~> 0.6.0, >= 0.5.3)
    omniauth (1.3.1)
      hashie (>= 1.2, < 4)
      rack (>= 1.0, < 3)
    omniauth-github (1.1.1)
      omniauth (~> 1.0)
      omniauth-oauth2 (~> 1.1)
    omniauth-google-oauth2 (0.2.10)
      addressable (~> 2.3)
      jwt (~> 1.0)
      multi_json (~> 1.3)
      omniauth (>= 1.1.1)
      omniauth-oauth2 (~> 1.3.1)
    omniauth-ldap (1.0.5)
      net-ldap (~> 0.12)
      omniauth (~> 1.0)
      pyu-ruby-sasl (~> 0.0.3.2)
      rubyntlm (~> 0.3.4)
    omniauth-oauth2 (1.3.1)
      oauth2 (~> 1.0)
      omniauth (~> 1.2)
    pg (0.18.4)
    pry (0.10.3)
      coderay (~> 1.1.0)
      method_source (~> 0.8.1)
      slop (~> 3.4)
    pry-rails (0.3.4)
      pry (>= 0.9.10)
    puma (3.0.2)
    pyu-ruby-sasl (0.0.3.3)
    query_diet (0.6.0)
    rack (1.6.4)
    rack-mini-profiler (0.9.8)
      rack (>= 1.1.3)
    rack-test (0.6.3)
      rack (>= 1.0)
    rails (4.2.5.2)
      actionmailer (= 4.2.5.2)
      actionpack (= 4.2.5.2)
      actionview (= 4.2.5.2)
      activejob (= 4.2.5.2)
      activemodel (= 4.2.5.2)
      activerecord (= 4.2.5.2)
      activesupport (= 4.2.5.2)
      bundler (>= 1.3.0, < 2.0)
      railties (= 4.2.5.2)
      sprockets-rails
    rails-assets-angular (1.4.9)
    rails-assets-angular-mocks (1.4.9)
      rails-assets-angular (= 1.4.9)
    rails-assets-angular-route (1.4.9)
      rails-assets-angular (= 1.4.9)
    rails-assets-angular-scenario (1.4.9)
      rails-assets-angular (= 1.4.9)
    rails-assets-angular-spinner (0.8.1)
      rails-assets-angular (~> 1.0)
      rails-assets-spin.js (~> 2.0)
    rails-assets-angular-truncate-2 (0.4.2)
    rails-assets-angular-ui-bootstrap-bower (0.14.3)
      rails-assets-angular (>= 1.3.0)
    rails-assets-angular-ui-router (0.2.18)
      rails-assets-angular (>= 1.0.8, < 2)
    rails-assets-bootstrap-select (1.10.0)
      rails-assets-jquery (>= 1.8)
    rails-assets-font-awesome (4.3.0)
    rails-assets-jquery (2.2.1)
    rails-assets-jquery-ui (1.11.4)
      rails-assets-jquery (>= 1.6)
    rails-assets-jquery-ujs (1.2.0)
      rails-assets-jquery (> 1.8)
    rails-assets-message-center (1.2.6)
      rails-assets-angular (>= 1.2.0, < 1.5.0)
      rails-assets-angular-route (>= 1.2.0, < 1.5.0)
    rails-assets-moment (2.11.2)
    rails-assets-rickshaw (1.5.1)
    rails-assets-spin (1.1.6)
      rails-assets-jquery
    rails-assets-spin.js (2.3.2)
    rails-assets-typeahead.js (0.11.1)
      rails-assets-jquery (>= 1.7)
    rails-assets-underscore (1.8.3)
    rails-assets-vis (4.15.0)
    rails-assets-x-editable (1.5.1)
      rails-assets-jquery (>= 1.6)
    rails-deprecated_sanitizer (1.0.3)
      activesupport (>= 4.2.0.alpha)
    rails-dom-testing (1.0.7)
      activesupport (>= 4.2.0.beta, < 5.0)
      nokogiri (~> 1.6.0)
      rails-deprecated_sanitizer (>= 1.0.1)
    rails-html-sanitizer (1.0.3)
      loofah (~> 2.0)
    rails-observers (0.1.2)
      activemodel (~> 4.0)
    rails_12factor (0.0.3)
      rails_serve_static_assets
      rails_stdout_logging
    rails_serve_static_assets (0.0.5)
    rails_stdout_logging (0.0.4)
    railties (4.2.5.2)
      actionpack (= 4.2.5.2)
      activesupport (= 4.2.5.2)
      rake (>= 0.8.7)
      thor (>= 0.18.1, < 2.0)
    rake (10.5.0)
    recursive-open-struct (1.0.0)
    rest-client (1.8.0)
      http-cookie (>= 1.0.2, < 2.0)
      mime-types (>= 1.16, < 3.0)
      netrc (~> 0.7)
    rubyntlm (0.3.4)
    safe_yaml (1.0.4)
    sass (3.4.21)
    sass-rails (5.0.4)
      railties (>= 4.0.0, < 5.0)
      sass (~> 3.1)
      sprockets (>= 2.8, < 4.0)
      sprockets-rails (>= 2.0, < 4.0)
      tilt (>= 1.1, < 3)
    sawyer (0.6.0)
      addressable (~> 2.3.5)
      faraday (~> 0.8, < 0.10)
    scrub_rb (1.0.1)
    simplecov (0.11.2)
      docile (~> 1.1.0)
      json (~> 1.8)
      simplecov-html (~> 0.10.0)
    simplecov-html (0.10.0)
    slop (3.6.0)
    soft_deletion (0.7.0)
      activerecord (>= 3.2.0, < 5.1.0)
    sprockets (3.5.2)
      concurrent-ruby (~> 1.0)
      rack (> 1, < 3)
    sprockets-rails (3.0.4)
      actionpack (>= 4.0)
      activesupport (>= 4.0)
      sprockets (>= 3.0.0)
    sqlite3 (1.3.11)
    sse-rails-engine (1.4.0)
      rails (~> 4.0)
    sucker_punch (2.0.1)
      concurrent-ruby (~> 1.0.0)
    terminal-table (1.5.2)
    thor (0.19.1)
    thread_safe (0.3.5)
    tilt (2.0.2)
    timers (4.1.1)
      hitimes
    tzinfo (1.2.2)
      thread_safe (~> 0.1)
    uglifier (2.7.2)
      execjs (>= 0.3.0)
      json (>= 1.8.0)
    unf (0.1.4)
      unf_ext
    unf_ext (0.0.7.2)
    warden (1.2.6)
      rack (>= 1.0)
    webmock (1.24.2)
      addressable (>= 2.3.6)
      crack (>= 0.3.2)
      hashdiff
    zendesk_api (1.13.4)
      faraday (~> 0.9)
      hashie (>= 1.2, < 4.0, != 3.3.0)
      inflection
      mime-types (~> 2.99)
      multipart-post (~> 2.0)
      scrub_rb (~> 1.0.1)

PLATFORMS
  ruby

DEPENDENCIES
  active_hash (~> 1.0)
  active_model_serializers (~> 0.8.0)
  activeresource
  airbrake (~> 4.3.0)
  angular-rails-templates
  ansible
  awesome_print
  better_errors
  binding_of_caller
  bootscale
  bootstrap-sass
  bundler (>= 1.8.4)
  byebug
  codeclimate-test-reporter
  coderay (~> 1.1.0)
  concurrent-ruby
  dalli (~> 2.7.0)
  docker-api
  dogapi (~> 1.9)
  dogstatsd-ruby (~> 1.5.0)
  dotenv-rails (~> 0.9)
  faraday-http-cache (~> 1.1)
  github-markdown (~> 0.6.3)
  goldiloader
  kaminari
  lograge
  logstash-event
  maxitest
  minitest-rails
  mocha
  mysql2 (~> 0.3)
  net-http-persistent
  newrelic_api
  newrelic_rpm (>= 3.7.1)
  ngannotate-rails
  octokit (~> 4.0)
  omniauth (~> 1.1)
  omniauth-github (= 1.1.1)
  omniauth-google-oauth2 (~> 0.2.4)
  omniauth-ldap (>= 1.0.5)
  omniauth-oauth2 (~> 1.1)
  pg (~> 0.13)
  pry-rails
  puma
  query_diet
  rack-mini-profiler
  rails (~> 4.2.0)
  rails-assets-angular (~> 1.4.0)!
  rails-assets-angular-mocks!
  rails-assets-angular-scenario!
  rails-assets-angular-spinner!
  rails-assets-angular-truncate-2!
  rails-assets-angular-ui-bootstrap-bower (~> 0.14)!
  rails-assets-angular-ui-router!
  rails-assets-bootstrap-select!
  rails-assets-font-awesome (~> 4.3.0)!
  rails-assets-jquery!
  rails-assets-jquery-ui!
  rails-assets-jquery-ujs!
  rails-assets-message-center!
  rails-assets-moment!
  rails-assets-rickshaw!
  rails-assets-spin!
  rails-assets-typeahead.js!
  rails-assets-underscore!
  rails-assets-vis!
  rails-assets-x-editable!
  rails_12factor
  samson_docker_binary_builder!
  samson_dockerb!
  samson_env!
  samson_flowdock!
  samson_jenkins!
  samson_kubernetes!
  samson_pipelines!
  samson_slack_webhooks!
  samson_zendesk!
  sass-rails (~> 5.0)
  sawyer (~> 0.5)
  simplecov
  soft_deletion (~> 0.4)
  sqlite3
  sse-rails-engine (~> 1.4)
  sucker_punch (~> 2.0)
  uglifier (>= 1.3.0)
  warden (~> 1.2)
  webmock

BUNDLED WITH
   1.11.2
