PATH
  remote: plugins/aws_ecr
  specs:
    samson_aws_ecr (0.0.0)
      aws-sdk-core

PATH
  remote: plugins/datadog
  specs:
    samson_datadog (0.0.0)
      dogapi (~> 1.9)

PATH
  remote: plugins/docker_binary_builder
  specs:
    samson_docker_binary_builder (0.0.0)

PATH
  remote: plugins/dockerb
  specs:
    samson_dockerb (0.0.0)
      dockerb

PATH
  remote: plugins/env
  specs:
    samson_env (0.0.0)
      dotenv

PATH
  remote: plugins/flowdock
  specs:
    samson_flowdock (0.0.0)
      flowdock (~> 0.6.0)

PATH
  remote: plugins/jenkins
  specs:
    samson_jenkins (0.0.0)
      jenkins_api_client (~> 1.3)

PATH
  remote: plugins/kubernetes
  specs:
    samson_kubernetes (0.0.1)

PATH
  remote: plugins/new_relic
  specs:
    samson_new_relic (0.0.0)

PATH
  remote: plugins/pipelines
  specs:
    samson_pipelines (0.0.0)

PATH
  remote: plugins/slack_app
  specs:
    samson_slack_app (0.0.0)

PATH
  remote: plugins/slack_webhooks
  specs:
    samson_slack_webhooks (0.0.0)
      faraday

PATH
  remote: plugins/zendesk
  specs:
    samson_zendesk (0.0.0)
      zendesk_api

GEM
  remote: https://rubygems.org/
  remote: https://rails-assets.org/
  specs:
    actionmailer (4.2.7.1)
      actionpack (= 4.2.7.1)
      actionview (= 4.2.7.1)
      activejob (= 4.2.7.1)
      mail (~> 2.5, >= 2.5.4)
      rails-dom-testing (~> 1.0, >= 1.0.5)
    actionpack (4.2.7.1)
      actionview (= 4.2.7.1)
      activesupport (= 4.2.7.1)
      rack (~> 1.6)
      rack-test (~> 0.6.2)
      rails-dom-testing (~> 1.0, >= 1.0.5)
      rails-html-sanitizer (~> 1.0, >= 1.0.2)
    actionview (4.2.7.1)
      activesupport (= 4.2.7.1)
      builder (~> 3.1)
      erubis (~> 2.7.0)
      rails-dom-testing (~> 1.0, >= 1.0.5)
      rails-html-sanitizer (~> 1.0, >= 1.0.2)
    active_hash (1.4.1)
      activesupport (>= 2.2.2)
    active_model_serializers (0.9.5)
      activemodel (>= 3.2)
    activejob (4.2.7.1)
      activesupport (= 4.2.7.1)
      globalid (>= 0.3.0)
    activemodel (4.2.7.1)
      activesupport (= 4.2.7.1)
      builder (~> 3.1)
    activerecord (4.2.7.1)
      activemodel (= 4.2.7.1)
      activesupport (= 4.2.7.1)
      arel (~> 6.0)
    activesupport (4.2.7.1)
      i18n (~> 0.7)
      json (~> 1.7, >= 1.7.7)
      minitest (~> 5.1)
      thread_safe (~> 0.3, >= 0.3.4)
      tzinfo (~> 1.1)
    addressable (2.3.8)
    airbrake (4.3.6)
      builder
      multi_json
    angular-rails-templates (1.0.0)
      railties (>= 4.2, < 6)
      sprockets (~> 3.0)
      tilt
    ansible (0.2.2)
    arel (6.0.3)
    ast (2.2.0)
    attr_encrypted (3.0.1)
      encryptor (~> 3.0.0)
    autoprefixer-rails (6.3.3.1)
      execjs
    awesome_print (1.6.1)
    aws-sdk-core (2.2.36)
      jmespath (~> 1.0)
    better_errors (2.1.1)
      coderay (>= 1.0.0)
      erubis (>= 2.6.6)
      rack (>= 0.9.0)
    binding_of_caller (0.7.2)
      debug_inspector (>= 0.0.1)
    bootscale (0.5.1)
    bootstrap-sass (3.3.6)
      autoprefixer-rails (>= 5.2.1)
      sass (>= 3.3.4)
    brakeman (3.3.3)
    builder (3.2.2)
    byebug (8.2.2)
    codeclimate-test-reporter (0.5.0)
      simplecov (>= 0.7.1, < 1.0.0)
    coderay (1.1.1)
    concurrent-ruby (1.0.2)
    crack (0.4.3)
      safe_yaml (~> 1.0.0)
    dalli (2.7.6)
    debug_inspector (0.0.2)
    docile (1.1.5)
    docker-api (1.26.2)
      excon (>= 0.38.0)
      json
    dockerb (0.3.0)
    dogapi (1.21.0)
      multi_json
    dogstatsd-ruby (1.6.0)
    domain_name (0.5.20160615)
      unf (>= 0.0.5, < 1.0.0)
    doorkeeper (4.1.0)
      railties (>= 4.2)
    dotenv (0.11.1)
      dotenv-deployment (~> 0.0.2)
    dotenv-deployment (0.0.2)
    encryptor (3.0.0)
    erubis (2.7.0)
    excon (0.47.0)
    execjs (2.6.0)
    faraday (0.9.2)
      multipart-post (>= 1.2, < 3)
    faraday-http-cache (1.2.2)
      faraday (~> 0.8)
    flowdock (0.6.0)
      httparty (~> 0.7)
      multi_json
    github-markdown (0.6.9)
    globalid (0.3.7)
      activesupport (>= 4.1.0)
    goldiloader (0.0.10)
      activerecord (>= 3.2, < 5.1)
      activesupport (>= 3.2, < 5.1)
    hashdiff (0.3.0)
    hashie (3.4.4)
    http (0.9.8)
      addressable (~> 2.3)
      http-cookie (~> 1.0)
      http-form_data (~> 1.0.1)
      http_parser.rb (~> 0.6.0)
    http-cookie (1.0.2)
      domain_name (~> 0.5)
    http-form_data (1.0.1)
    http_parser.rb (0.6.0)
    httparty (0.13.7)
      json (~> 1.8)
      multi_xml (>= 0.5.2)
    i18n (0.7.0)
    inflection (1.0.0)
    jenkins_api_client (1.4.2)
      json
      mixlib-shellout (>= 1.1.0)
      nokogiri (~> 1.6.0)
      terminal-table (>= 1.4.0)
      thor (>= 0.16.0)
    jmespath (1.2.4)
      json_pure (>= 1.8.1)
    json (1.8.3)
    json_pure (1.8.3)
    jwt (1.5.1)
    kaminari (0.16.3)
      actionpack (>= 3.0.0)
      activesupport (>= 3.0.0)
    kubeclient (1.1.4)
      activesupport
      http (= 0.9.8)
      recursive-open-struct (= 1.0.0)
      rest-client
    lograge (0.3.6)
      actionpack (>= 3)
      activesupport (>= 3)
      railties (>= 3)
    logstash-event (1.2.02)
    loofah (2.0.3)
      nokogiri (>= 1.5.9)
    mail (2.6.4)
      mime-types (>= 1.16, < 4)
    maxitest (2.1.0)
      minitest (>= 5.0.0, < 5.10.0)
    metaclass (0.0.4)
    method_source (0.8.2)
    mime-types (2.99.2)
    mini_portile2 (2.1.0)
    minitest (5.9.0)
    minitest-rails (2.2.1)
      minitest (~> 5.7)
      railties (~> 4.1)
    mixlib-shellout (2.2.6)
    mocha (1.1.0)
      metaclass (~> 0.0.1)
    multi_json (1.12.0)
    multi_xml (0.5.5)
    multipart-post (2.0.0)
    mysql2 (0.4.4)
    net-http-persistent (2.9.4)
    net-ldap (0.14.0)
    netrc (0.11.0)
    newrelic_rpm (3.15.2.317)
    ngannotate-rails (1.2.1)
      execjs
      rails (>= 3.1)
    nokogiri (1.6.8)
      mini_portile2 (~> 2.1.0)
      pkg-config (~> 1.1.7)
    oauth2 (1.1.0)
      faraday (>= 0.8, < 0.10)
      jwt (~> 1.0, < 1.5.2)
      multi_json (~> 1.3)
      multi_xml (~> 0.5)
      rack (>= 1.2, < 3)
    octokit (4.2.0)
      sawyer (~> 0.6.0, >= 0.5.3)
    omniauth (1.3.1)
      hashie (>= 1.2, < 4)
      rack (>= 1.0, < 3)
    omniauth-github (1.1.2)
      omniauth (~> 1.0)
      omniauth-oauth2 (~> 1.1)
    omniauth-gitlab (1.0.2)
      omniauth (~> 1.0)
      omniauth-oauth2 (~> 1.0)
    omniauth-google-oauth2 (0.4.0)
      jwt (~> 1.5.0)
      multi_json (~> 1.3)
      omniauth (>= 1.1.1)
      omniauth-oauth2 (>= 1.3.1)
    omniauth-ldap (1.0.5)
      net-ldap (~> 0.12)
      omniauth (~> 1.0)
      pyu-ruby-sasl (~> 0.0.3.2)
      rubyntlm (~> 0.3.4)
    omniauth-oauth2 (1.4.0)
      oauth2 (~> 1.0)
      omniauth (~> 1.2)
    paper_trail (4.1.0)
      activerecord (>= 3.0, < 6.0)
      activesupport (>= 3.0, < 6.0)
      request_store (~> 1.1)
    parser (2.3.1.0)
      ast (~> 2.2)
    pg (0.18.4)
    pkg-config (1.1.7)
    powerpack (0.1.1)
    pry (0.10.3)
      coderay (~> 1.1.0)
      method_source (~> 0.8.1)
      slop (~> 3.4)
    pry-rails (0.3.4)
      pry (>= 0.9.10)
    puma (3.4.0)
    pyu-ruby-sasl (0.0.3.3)
    query_diet (0.6.0)
    rack (1.6.4)
    rack-mini-profiler (0.10.1)
      rack (>= 1.2.0)
    rack-test (0.6.3)
      rack (>= 1.0)
    rails (4.2.7.1)
      actionmailer (= 4.2.7.1)
      actionpack (= 4.2.7.1)
      actionview (= 4.2.7.1)
      activejob (= 4.2.7.1)
      activemodel (= 4.2.7.1)
      activerecord (= 4.2.7.1)
      activesupport (= 4.2.7.1)
      bundler (>= 1.3.0, < 2.0)
      railties (= 4.2.7.1)
      sprockets-rails
    rails-assets-angular (1.4.9)
    rails-assets-angular-mocks (1.4.9)
      rails-assets-angular (= 1.4.9)
    rails-assets-angular-route (1.4.9)
      rails-assets-angular (= 1.4.9)
    rails-assets-angular-scenario (1.4.9)
      rails-assets-angular (= 1.4.9)
    rails-assets-angular-spinner (0.8.1)
      rails-assets-angular (~> 1.0)
      rails-assets-spin.js (~> 2.0)
    rails-assets-angular-truncate-2 (0.4.2)
    rails-assets-angular-ui-bootstrap-bower (0.14.3)
      rails-assets-angular (>= 1.3.0)
    rails-assets-angular-ui-router (0.2.18)
      rails-assets-angular (>= 1.0.8, < 2)
    rails-assets-bootstrap-select (1.10.0)
      rails-assets-jquery (>= 1.8)
    rails-assets-datatables.net (1.10.12)
      rails-assets-jquery (>= 1.7)
    rails-assets-datatables.net-bs (1.10.11)
      rails-assets-datatables.net (>= 1.10.9)
      rails-assets-jquery (>= 1.7)
    rails-assets-datatables.net-fixedcolumns (3.2.2)
      rails-assets-datatables.net (>= 1.10.9)
      rails-assets-jquery (>= 1.7)
    rails-assets-datatables.net-fixedcolumns-bs (3.2.2)
      rails-assets-datatables.net-bs (>= 1.10.9)
      rails-assets-datatables.net-fixedcolumns (>= 3.1.0)
      rails-assets-jquery (>= 1.7)
    rails-assets-font-awesome (4.3.0)
    rails-assets-jquery (2.2.1)
    rails-assets-jquery-cookie (1.4.1)
      rails-assets-jquery (>= 1.2)
    rails-assets-jquery-ui (1.11.4)
      rails-assets-jquery (>= 1.6)
    rails-assets-jquery-ujs (1.2.0)
      rails-assets-jquery (> 1.8)
    rails-assets-jstimezonedetect (1.0.5)
    rails-assets-message-center (1.2.6)
      rails-assets-angular (>= 1.2.0, < 1.5.0)
      rails-assets-angular-route (>= 1.2.0, < 1.5.0)
    rails-assets-moment (2.11.2)
    rails-assets-rickshaw (1.5.1)
    rails-assets-spin (1.1.6)
      rails-assets-jquery
    rails-assets-spin.js (2.3.2)
    rails-assets-typeahead.js (0.11.1)
      rails-assets-jquery (>= 1.7)
    rails-assets-underscore (1.8.3)
    rails-assets-vis (4.10.0)
    rails-assets-x-editable (1.5.1)
      rails-assets-jquery (>= 1.6)
    rails-deprecated_sanitizer (1.0.3)
      activesupport (>= 4.2.0.alpha)
    rails-dom-testing (1.0.7)
      activesupport (>= 4.2.0.beta, < 5.0)
      nokogiri (~> 1.6.0)
      rails-deprecated_sanitizer (>= 1.0.1)
    rails-html-sanitizer (1.0.3)
      loofah (~> 2.0)
    railties (4.2.7.1)
      actionpack (= 4.2.7.1)
      activesupport (= 4.2.7.1)
      rake (>= 0.8.7)
      thor (>= 0.18.1, < 2.0)
    rainbow (2.1.0)
    rake (11.2.2)
    recursive-open-struct (1.0.0)
    request_store (1.3.1)
    rest-client (2.0.0)
      http-cookie (>= 1.0.2, < 2.0)
      mime-types (>= 1.16, < 4.0)
      netrc (~> 0.8)
    rubocop (0.40.0)
      parser (>= 2.3.1.0, < 3.0)
      powerpack (~> 0.1)
      rainbow (>= 1.99.1, < 3.0)
      ruby-progressbar (~> 1.7)
      unicode-display_width (~> 1.0, >= 1.0.1)
    ruby-progressbar (1.8.1)
    rubyntlm (0.3.4)
    safe_yaml (1.0.4)
    sass (3.4.22)
    sass-rails (5.0.4)
      railties (>= 4.0.0, < 5.0)
      sass (~> 3.1)
      sprockets (>= 2.8, < 4.0)
      sprockets-rails (>= 2.0, < 4.0)
      tilt (>= 1.1, < 3)
    sawyer (0.6.0)
      addressable (~> 2.3.5)
      faraday (~> 0.8, < 0.10)
    scrub_rb (1.0.1)
    simplecov (0.12.0)
      docile (~> 1.1.0)
      json (>= 1.8, < 3)
      simplecov-html (~> 0.10.0)
    simplecov-html (0.10.0)
    single_cov (0.2.2)
    slop (3.6.0)
    soft_deletion (0.8.0)
      activerecord (>= 3.2.0, < 5.1.0)
    sprockets (3.7.0)
      concurrent-ruby (~> 1.0)
      rack (> 1, < 3)
    sprockets-rails (3.1.1)
      actionpack (>= 4.0)
      activesupport (>= 4.0)
      sprockets (>= 3.0.0)
    sqlite3 (1.3.11)
    sse-rails-engine (1.4.0)
      rails (~> 4.0)
    sucker_punch (2.0.1)
      concurrent-ruby (~> 1.0.0)
    terminal-table (1.5.2)
    thor (0.19.1)
    thread_safe (0.3.5)
    tilt (2.0.2)
    tzinfo (1.2.2)
      thread_safe (~> 0.1)
    uglifier (2.7.2)
      execjs (>= 0.3.0)
      json (>= 1.8.0)
    unf (0.1.4)
      unf_ext
    unf_ext (0.0.7.2)
    unicode-display_width (1.0.5)
    vault (0.4.0)
    warden (1.2.6)
      rack (>= 1.0)
    warden-doorkeeper (0.3.0)
      warden (~> 1.2)
    webmock (2.1.0)
      addressable (>= 2.3.6)
      crack (>= 0.3.2)
      hashdiff
    zendesk_api (1.13.4)
      faraday (~> 0.9)
      hashie (>= 1.2, < 4.0, != 3.3.0)
      inflection
      mime-types (~> 2.99)
      multipart-post (~> 2.0)
      scrub_rb (~> 1.0.1)

PLATFORMS
  ruby

DEPENDENCIES
  active_hash
  active_model_serializers
  airbrake (~> 4.3.6)
  angular-rails-templates
  ansible
  attr_encrypted
  awesome_print
  better_errors
  binding_of_caller
  bootscale
  bootstrap-sass
  brakeman
  bundler
  byebug
  codeclimate-test-reporter
  coderay
  concurrent-ruby
  dalli
  docker-api
  dogstatsd-ruby
  doorkeeper
  dotenv
  faraday-http-cache
  github-markdown
  goldiloader
  kaminari
  kubeclient (= 1.1.4)
  lograge
  logstash-event
  maxitest
  minitest-rails
  mocha
  mysql2
  net-http-persistent
  newrelic_rpm
  ngannotate-rails
  octokit
  omniauth
  omniauth-github
  omniauth-gitlab (~> 1.0.0)
  omniauth-google-oauth2
  omniauth-ldap
  omniauth-oauth2
  paper_trail
  pg
  pry
  pry-rails
  puma
  query_diet
  rack-mini-profiler
  rails (~> 4.2.0)
  rails-assets-angular!
  rails-assets-angular-mocks!
  rails-assets-angular-scenario!
  rails-assets-angular-spinner!
  rails-assets-angular-truncate-2!
  rails-assets-angular-ui-bootstrap-bower!
  rails-assets-angular-ui-router!
  rails-assets-bootstrap-select!
  rails-assets-datatables.net!
  rails-assets-datatables.net-bs!
  rails-assets-datatables.net-fixedcolumns!
  rails-assets-datatables.net-fixedcolumns-bs!
  rails-assets-font-awesome!
  rails-assets-jquery!
  rails-assets-jquery-cookie!
  rails-assets-jquery-ui!
  rails-assets-jquery-ujs!
  rails-assets-jstimezonedetect!
  rails-assets-message-center!
  rails-assets-moment!
  rails-assets-rickshaw!
  rails-assets-spin!
  rails-assets-typeahead.js!
  rails-assets-underscore!
  rails-assets-vis (~> 4.10.0)!
  rails-assets-x-editable!
  rubocop
  samson_aws_ecr!
  samson_datadog!
  samson_docker_binary_builder!
  samson_dockerb!
  samson_env!
  samson_flowdock!
  samson_jenkins!
  samson_kubernetes!
  samson_new_relic!
  samson_pipelines!
  samson_slack_app!
  samson_slack_webhooks!
  samson_zendesk!
  sass-rails
  sawyer
  simplecov
  single_cov
  soft_deletion
  sqlite3
  sse-rails-engine
  sucker_punch (~> 2.0)
  uglifier
  vault
  warden
  warden-doorkeeper
  webmock

RUBY VERSION
   ruby 2.3.1p112

BUNDLED WITH
   1.12.5
