GIT
  remote: https://github.com/liufengyun/hashdiff.git
  revision: 3832f805bddfa5e738a6d82b51ab4a27b61169b6
  specs:
    hashdiff (1.1.0)

GIT
  remote: https://github.com/omniauth/omniauth-github.git
  revision: f27bb4e018150d87e9444ad13955acfc9e76f4d7
  specs:
    omniauth-github (2.0.1)
      omniauth (~> 2.0)
      omniauth-oauth2 (~> 1.8)

GIT
  remote: https://github.com/omniauth/omniauth-ldap.git
  revision: fb485bb4613074b224b8d6b28ad1c7f366a6b6d8
  ref: fb485bb4613074b224b8d6b28ad1c7f366a6b6d8
  specs:
    omniauth-ldap (2.0.0)
      net-ldap (~> 0.16)
      omniauth (~> 2.0.0)
      pyu-ruby-sasl (~> 0.0.3.3)
      rubyntlm (~> 0.6.2)

GIT
  remote: https://github.com/zendesk/vault-ruby.git
  revision: 96be391a2fd50a42871c8b9dc3c59fddbdbdc556
  ref: 96be391a2fd50a42871c8b9dc3c59fddbdbdc556
  specs:
    vault (0.12.0)
      aws-sigv4

PATH
  remote: plugins/airbrake_hook
  specs:
    samson_airbrake_hook (0.0.0)

PATH
  remote: plugins/airbrake
  specs:
    samson_airbrake (0.0.0)
      airbrake

PATH
  remote: plugins/assertible
  specs:
    samson_assertible (0.0.0)

PATH
  remote: plugins/aws_ecr
  specs:
    samson_aws_ecr (0.0.0)
      aws-sdk-ecr

PATH
  remote: plugins/aws_sts
  specs:
    samson_aws_sts (0.0.0)
      aws-sdk-core

PATH
  remote: plugins/datadog_tracer
  specs:
    samson_datadog_tracer (0.0.1)
      ddtrace

PATH
  remote: plugins/datadog
  specs:
    samson_datadog (0.0.0)
      faraday

PATH
  remote: plugins/env
  specs:
    samson_env (0.0.0)
      aws-sdk-s3
      dotenv

PATH
  remote: plugins/flowdock
  specs:
    samson_flowdock (0.0.0)
      flowdock

PATH
  remote: plugins/gcloud
  specs:
    gcloud_image_tagger (0.0.0)

PATH
  remote: plugins/github
  specs:
    samson_github (0.0.0)

PATH
  remote: plugins/gitlab
  specs:
    samson_gitlab (0.0.0)
      git_diff_parser
      gitlab

PATH
  remote: plugins/jenkins_status_checker
  specs:
    samson_jenkins_status_checker (0.0.0)
      jenkins_api_client (~> 2.0)

PATH
  remote: plugins/jenkins
  specs:
    samson_jenkins (0.0.0)
      jenkins_api_client (~> 2.0)

PATH
  remote: plugins/jira
  specs:
    samson_jira (0.0.0)
      faraday

PATH
  remote: plugins/kubernetes
  specs:
    samson_kubernetes (0.0.1)
      kubeclient

PATH
  remote: plugins/ledger
  specs:
    samson_ledger (0.0.1)
      faraday

PATH
  remote: plugins/new_relic
  specs:
    samson_new_relic (0.0.0)
      newrelic_rpm

PATH
  remote: plugins/pipelines
  specs:
    samson_pipelines (0.0.0)

PATH
  remote: plugins/prerequisite_stages
  specs:
    samson_prerequisite_stages (0.0.0)

PATH
  remote: plugins/rollbar_dashboards
  specs:
    samson_rollbar_dashboards (0.0.0)

PATH
  remote: plugins/rollbar_hook
  specs:
    samson_rollbar_hook (0.0.0)

PATH
  remote: plugins/rollbar
  specs:
    samson_rollbar (0.0.0)
      rollbar
      rollbar-user_informer

PATH
  remote: plugins/sentry
  specs:
    samson_sentry (0.0.0)
      sentry-rails
      sentry-user_informer

PATH
  remote: plugins/slack_app
  specs:
    samson_slack_app (0.0.0)

PATH
  remote: plugins/slack_webhooks
  specs:
    samson_slack_webhooks (0.0.0)
      faraday

PATH
  remote: plugins/zendesk
  specs:
    samson_zendesk (0.0.0)
      zendesk_api

GEM
  remote: https://rails-assets.org/
  specs:
    rails-assets-bootstrap-select (1.12.4)
      rails-assets-jquery (>= 1.8)
    rails-assets-jquery (3.7.1)
    rails-assets-jquery-cookie (1.4.1)
      rails-assets-jquery (>= 1.2)
    rails-assets-jquery-ui (1.12.1)
      rails-assets-jquery (>= 1.6)
    rails-assets-jquery-ujs (1.2.2)
      rails-assets-jquery (> 1.8)
    rails-assets-jsSHA (2.3.1)
    rails-assets-jstimezonedetect (1.0.5)
    rails-assets-typeahead.js (0.11.1)
      rails-assets-jquery (>= 1.7)
    rails-assets-underscore (1.13.6)
    rails-assets-x-editable (1.5.1)
      rails-assets-jquery (>= 1.6)

GEM
  remote: https://rubygems.org/
  specs:
    actioncable (6.1.7.7)
      actionpack (= 6.1.7.7)
      activesupport (= 6.1.7.7)
      nio4r (~> 2.0)
      websocket-driver (>= 0.6.1)
    actionmailbox (6.1.7.7)
      actionpack (= 6.1.7.7)
      activejob (= 6.1.7.7)
      activerecord (= 6.1.7.7)
      activestorage (= 6.1.7.7)
      activesupport (= 6.1.7.7)
      mail (>= 2.7.1)
    actionmailer (6.1.7.7)
      actionpack (= 6.1.7.7)
      actionview (= 6.1.7.7)
      activejob (= 6.1.7.7)
      activesupport (= 6.1.7.7)
      mail (~> 2.5, >= 2.5.4)
      rails-dom-testing (~> 2.0)
    actionpack (6.1.7.7)
      actionview (= 6.1.7.7)
      activesupport (= 6.1.7.7)
      rack (~> 2.0, >= 2.0.9)
      rack-test (>= 0.6.3)
      rails-dom-testing (~> 2.0)
      rails-html-sanitizer (~> 1.0, >= 1.2.0)
    actiontext (6.1.7.7)
      actionpack (= 6.1.7.7)
      activerecord (= 6.1.7.7)
      activestorage (= 6.1.7.7)
      activesupport (= 6.1.7.7)
      nokogiri (>= 1.8.5)
    actionview (6.1.7.7)
      activesupport (= 6.1.7.7)
      builder (~> 3.1)
      erubi (~> 1.4)
      rails-dom-testing (~> 2.0)
      rails-html-sanitizer (~> 1.1, >= 1.2.0)
    active_hash (3.2.1)
      activesupport (>= 5.0.0)
    activejob (6.1.7.7)
      activesupport (= 6.1.7.7)
      globalid (>= 0.3.6)
    activemodel (6.1.7.7)
      activesupport (= 6.1.7.7)
    activerecord (6.1.7.7)
      activemodel (= 6.1.7.7)
      activesupport (= 6.1.7.7)
    activestorage (6.1.7.7)
      actionpack (= 6.1.7.7)
      activejob (= 6.1.7.7)
      activerecord (= 6.1.7.7)
      activesupport (= 6.1.7.7)
      marcel (~> 1.0)
      mini_mime (>= 1.1.0)
    activesupport (6.1.7.7)
      concurrent-ruby (~> 1.0, >= 1.0.2)
      i18n (>= 1.6, < 2)
      minitest (>= 5.1)
      tzinfo (~> 2.0)
      zeitwerk (~> 2.3)
    addressable (2.8.6)
      public_suffix (>= 2.0.2, < 6.0)
    airbrake (11.0.3)
      airbrake-ruby (~> 5.1)
    airbrake-ruby (5.2.1)
      rbtree3 (~> 0.5)
    ansible (0.2.2)
    ar_multi_threaded_transactional_tests (0.5.0)
      activerecord (>= 4.2.0, < 6.2.0)
    ast (2.4.2)
    attr_encrypted (3.1.0)
      encryptor (~> 3.0.0)
    audited (5.4.3)
      activerecord (>= 5.0, < 7.2)
      request_store (~> 1.2)
    autoprefixer-rails (9.8.6.5)
      execjs
    awesome_print (1.9.2)
    aws-eventstream (1.3.0)
    aws-partitions (1.887.0)
    aws-sdk-core (3.191.0)
      aws-eventstream (~> 1, >= 1.3.0)
      aws-partitions (~> 1, >= 1.651.0)
      aws-sigv4 (~> 1.8)
      jmespath (~> 1, >= 1.6.1)
    aws-sdk-ecr (1.69.0)
      aws-sdk-core (~> 3, >= 3.191.0)
      aws-sigv4 (~> 1.1)
    aws-sdk-kms (1.77.0)
      aws-sdk-core (~> 3, >= 3.191.0)
      aws-sigv4 (~> 1.1)
    aws-sdk-s3 (1.143.0)
      aws-sdk-core (~> 3, >= 3.191.0)
      aws-sdk-kms (~> 1)
      aws-sigv4 (~> 1.8)
    aws-sigv4 (1.8.0)
      aws-eventstream (~> 1, >= 1.0.2)
    base64 (0.2.0)
    bigdecimal (3.1.6)
    binding_of_caller (0.8.0)
      debug_inspector (>= 0.0.1)
    bootsnap (1.18.3)
      msgpack (~> 1.2)
    bootstrap-sass (3.4.1)
      autoprefixer-rails (>= 5.2.1)
      sassc (>= 2.0.0)
    bootstrap3-datetimepicker-rails (4.17.47)
      momentjs-rails (>= 2.8.1)
    brakeman (5.4.1)
    builder (3.2.4)
    bundler-audit (0.9.1)
      bundler (>= 1.2.0, < 3)
      thor (~> 1.0)
    byebug (8.2.5)
    chef-utils (18.4.2)
      concurrent-ruby
    coderay (1.1.3)
    commonmarker (0.23.10)
    concurrent-ruby (1.2.3)
    connection_pool (2.4.1)
    crack (0.4.6)
      bigdecimal
      rexml
    crass (1.0.6)
    dalli (3.2.7)
      base64
    date (3.3.4)
    ddtrace (0.45.0)
      msgpack
    debug_inspector (0.0.3)
    diffy (3.4.2)
    dogstatsd-ruby (5.6.1)
    domain_name (0.6.20240107)
    doorkeeper (5.6.8)
      railties (>= 5)
    dotenv (2.8.1)
    encryptor (3.0.0)
    erubi (1.12.0)
    execjs (2.9.1)
    faraday (2.8.1)
      base64
      faraday-net_http (>= 2.0, < 3.1)
      ruby2_keywords (>= 0.0.4)
    faraday-http-cache (2.5.1)
      faraday (>= 0.8)
    faraday-multipart (1.0.4)
      multipart-post (~> 2)
    faraday-net_http (3.0.2)
    faraday-net_http_persistent (2.1.0)
      faraday (~> 2.5)
      net-http-persistent (~> 4.0)
    faraday-retry (2.2.0)
      faraday (~> 2.0)
    ffi (1.16.3)
    ffi-compiler (1.0.1)
      ffi (>= 1.0.0)
      rake
    flay (2.13.2)
      erubi (~> 1.10)
      path_expander (~> 1.0)
      ruby_parser (~> 3.0)
      sexp_processor (~> 4.0)
    flowdock (0.7.1)
      httparty (~> 0.7)
      multi_json
    forking_test_runner (1.13.0)
      parallel_tests (>= 1.3.7)
    git_diff_parser (3.2.0)
    gitlab (4.19.0)
      httparty (~> 0.20)
      terminal-table (>= 1.5.1)
    globalid (1.2.1)
      activesupport (>= 6.1)
    goldiloader (3.2.0)
      activerecord (>= 4.2, < 6.3)
      activesupport (>= 4.2, < 6.3)
    hashie (5.0.0)
    http (5.2.0)
      addressable (~> 2.8)
      base64 (~> 0.1)
      http-cookie (~> 1.0)
      http-form_data (~> 2.2)
      llhttp-ffi (~> 0.5.0)
    http-accept (1.7.0)
    http-cookie (1.0.5)
      domain_name (~> 0.5)
    http-form_data (2.3.0)
    httparty (0.21.0)
      mini_mime (>= 1.0.0)
      multi_xml (>= 0.5.2)
    i18n (1.14.1)
      concurrent-ruby (~> 1.0)
    inflection (1.0.0)
    interception (0.5)
    jenkins_api_client (2.1.0)
      addressable (~> 2.7)
      json (>= 1.0)
      mixlib-shellout (>= 1.1.0)
      nokogiri (~> 1.6)
      socksify (>= 1.7.0)
      terminal-table (>= 1.4.0)
      thor (>= 0.16.0)
    jmespath (1.6.2)
    json (2.7.1)
    jsonpath (1.1.5)
      multi_json
    jwt (2.7.1)
    kubeclient (4.11.0)
      http (>= 3.0, < 6.0)
      jsonpath (~> 1.0)
      recursive-open-struct (~> 1.1, >= 1.1.1)
      rest-client (~> 2.0)
    large_object_store (1.7.0)
      zstd-ruby (~> 1.5.5)
    llhttp-ffi (0.5.0)
      ffi-compiler (~> 1.0)
      rake (~> 13.0)
    lograge (0.14.0)
      actionpack (>= 4)
      activesupport (>= 4)
      railties (>= 4)
      request_store (~> 1.0)
    logstash-event (1.2.02)
    loofah (2.22.0)
      crass (~> 1.0.2)
      nokogiri (>= 1.12.0)
    mail (2.7.1)
      mini_mime (>= 0.1.1)
    marcel (1.0.3)
    marco-polo (2.0.3)
      railties (>= 6)
    maxitest (3.7.0)
      minitest (>= 5.0.0, < 5.15.0)
    method_source (1.0.0)
    mime-types (3.5.2)
      mime-types-data (~> 3.2015)
    mime-types-data (3.2024.0206)
    mini_mime (1.1.5)
    mini_portile2 (2.8.5)
    minitest (5.14.4)
    minitest-rails (6.1.1)
      minitest (~> 5.10)
      railties (~> 6.1.0)
    mixlib-shellout (3.2.7)
      chef-utils
    mocha (2.1.0)
      ruby2_keywords (>= 0.0.5)
    momentjs-rails (2.29.4.1)
      railties (>= 3.1)
    msgpack (1.7.2)
    multi_json (1.15.0)
    multi_xml (0.6.0)
    multipart-post (2.3.0)
    mysql2 (0.5.5)
    net-http-persistent (4.0.2)
      connection_pool (~> 2.2)
    net-imap (0.4.10)
      date
      net-protocol
    net-ldap (0.19.0)
    net-pop (0.1.2)
      net-protocol
    net-protocol (0.2.2)
      timeout
    net-smtp (0.4.0.1)
      net-protocol
    netrc (0.11.0)
    newrelic_rpm (9.7.1)
    nio4r (2.7.0)
    nokogiri (1.16.2)
      mini_portile2 (~> 2.8.2)
      racc (~> 1.4)
    nokogiri (1.16.2-aarch64-linux)
      racc (~> 1.4)
    nokogiri (1.16.2-arm64-darwin)
      racc (~> 1.4)
    nokogiri (1.16.2-x86_64-darwin)
      racc (~> 1.4)
    nokogiri (1.16.2-x86_64-linux)
      racc (~> 1.4)
    oauth2 (2.0.9)
      faraday (>= 0.17.3, < 3.0)
      jwt (>= 1.0, < 3.0)
      multi_xml (~> 0.5)
      rack (>= 1.2, < 4)
      snaky_hash (~> 2.0)
      version_gem (~> 1.1)
    octokit (6.1.1)
      faraday (>= 1, < 3)
      sawyer (~> 0.9)
    omniauth (2.0.4)
      hashie (>= 3.4.6)
      rack (>= 1.6.2, < 3)
      rack-protection
    omniauth-atlassian-bitbucket (0.1.0)
      omniauth-oauth2
    omniauth-gitlab (4.1.0)
      omniauth (~> 2.0)
      omniauth-oauth2 (~> 1.8.0)
    omniauth-google-oauth2 (1.1.1)
      jwt (>= 2.0)
      oauth2 (~> 2.0.6)
      omniauth (~> 2.0)
      omniauth-oauth2 (~> 1.8.0)
    omniauth-oauth2 (1.8.0)
      oauth2 (>= 1.4, < 3)
      omniauth (~> 2.0)
    omniauth-rails_csrf_protection (1.0.1)
      actionpack (>= 4.2)
      omniauth (~> 2.0)
    pagy (4.11.0)
    parallel (1.24.0)
    parallel_tests (2.32.0)
      parallel
    parser (3.3.0.5)
      ast (~> 2.4.1)
      racc
    path_expander (1.1.1)
    pg (1.5.4)
    pry (0.14.2)
      coderay (~> 1.1)
      method_source (~> 1.0)
    pry-byebug (3.3.0)
      byebug (~> 8.0)
      pry (~> 0.10)
    pry-rails (0.3.9)
      pry (>= 0.10.4)
    pry-rescue (1.6.0)
      interception (>= 0.5)
      pry (>= 0.12.0)
    pry-stack_explorer (0.4.9.3)
      binding_of_caller (>= 0.7)
      pry (>= 0.9.11)
    public_suffix (5.0.4)
    puma (5.6.8)
      nio4r (~> 2.0)
    pyu-ruby-sasl (0.0.3.3)
    racc (1.7.3)
    rack (2.2.8.1)
    rack-mini-profiler (3.3.0)
      rack (>= 1.2.0)
    rack-protection (3.2.0)
      base64 (>= 0.1.0)
      rack (~> 2.2, >= 2.2.4)
    rack-test (2.1.0)
      rack (>= 1.3)
    rails (6.1.7.7)
      actioncable (= 6.1.7.7)
      actionmailbox (= 6.1.7.7)
      actionmailer (= 6.1.7.7)
      actionpack (= 6.1.7.7)
      actiontext (= 6.1.7.7)
      actionview (= 6.1.7.7)
      activejob (= 6.1.7.7)
      activemodel (= 6.1.7.7)
      activerecord (= 6.1.7.7)
      activestorage (= 6.1.7.7)
      activesupport (= 6.1.7.7)
      bundler (>= 1.15.0)
      railties (= 6.1.7.7)
      sprockets-rails (>= 2.0.0)
    rails-controller-testing (1.0.5)
      actionpack (>= 5.0.1.rc1)
      actionview (>= 5.0.1.rc1)
      activesupport (>= 5.0.1.rc1)
    rails-dom-testing (2.2.0)
      activesupport (>= 5.0.0)
      minitest
      nokogiri (>= 1.6)
    rails-html-sanitizer (1.6.0)
      loofah (~> 2.21)
      nokogiri (~> 1.14)
    railties (6.1.7.7)
      actionpack (= 6.1.7.7)
      activesupport (= 6.1.7.7)
      method_source
      rake (>= 12.2)
      thor (~> 1.0)
    rainbow (3.1.1)
    rake (13.1.0)
    rbtree3 (0.7.1)
    recursive-open-struct (1.1.3)
    regexp_parser (2.9.0)
    request_store (1.5.1)
      rack (>= 1.4)
    rest-client (2.1.0)
      http-accept (>= 1.7.0, < 2.0)
      http-cookie (>= 1.0.2, < 2.0)
      mime-types (>= 1.16, < 4.0)
      netrc (~> 0.8)
    rexml (3.2.6)
    rollbar (2.27.1)
    rollbar-user_informer (0.1.0)
      rollbar (~> 2.15)
    rubocop (1.42.0)
      json (~> 2.3)
      parallel (~> 1.10)
      parser (>= 3.1.2.1)
      rainbow (>= 2.2.2, < 4.0)
      regexp_parser (>= 1.8, < 3.0)
      rexml (>= 3.2.5, < 4.0)
      rubocop-ast (>= 1.24.1, < 2.0)
      ruby-progressbar (~> 1.7)
      unicode-display_width (>= 1.4.0, < 3.0)
    rubocop-ast (1.30.0)
      parser (>= 3.2.1.0)
    rubocop-rails (2.23.1)
      activesupport (>= 4.2.0)
      rack (>= 1.1)
      rubocop (>= 1.33.0, < 2.0)
      rubocop-ast (>= 1.30.0, < 2.0)
    ruby-progressbar (1.13.0)
    ruby2_keywords (0.0.5)
    ruby_parser (3.21.0)
      racc (~> 1.5)
      sexp_processor (~> 4.16)
    rubyntlm (0.6.3)
    sass-rails (6.0.0)
      sassc-rails (~> 2.1, >= 2.1.1)
    sassc (2.4.0)
      ffi (~> 1.9)
    sassc-rails (2.1.2)
      railties (>= 4.0.0)
      sassc (>= 2.0)
      sprockets (> 3.0)
      sprockets-rails
      tilt
    sawyer (0.9.2)
      addressable (>= 2.3.5)
      faraday (>= 0.17.3, < 3)
    sentry-rails (5.16.1)
      railties (>= 5.0)
      sentry-ruby (~> 5.16.1)
    sentry-ruby (5.16.1)
      concurrent-ruby (~> 1.0, >= 1.0.2)
    sentry-user_informer (0.2.0)
      rack
      railties (>= 6.1.0, < 7.1.0)
      sentry-rails (~> 5.4)
    sexp_processor (4.17.1)
    single_cov (1.5.0)
    snaky_hash (2.0.1)
      hashie
      version_gem (~> 1.1, >= 1.1.1)
    socksify (1.7.1)
    soft_deletion (1.9.0)
      activerecord (>= 5.0.0, < 7.2)
    sprockets (3.7.2)
      concurrent-ruby (~> 1.0)
      rack (> 1, < 3)
    sprockets-rails (3.4.2)
      actionpack (>= 5.2)
      activesupport (>= 5.2)
      sprockets (>= 3.0.0)
    sqlite3 (1.6.9)
      mini_portile2 (~> 2.8.0)
    sqlite3 (1.6.9-aarch64-linux)
    sqlite3 (1.6.9-arm64-darwin)
    sqlite3 (1.6.9-x86_64-darwin)
    sqlite3 (1.6.9-x86_64-linux)
    stackprof (0.2.12)
    terminal-table (1.8.0)
      unicode-display_width (~> 1.1, >= 1.1.1)
    thor (1.3.1)
    tilt (2.3.0)
    timeout (0.4.1)
    tzinfo (2.0.6)
      concurrent-ruby (~> 1.0)
    uglifier (3.2.0)
      execjs (>= 0.3.0, < 3)
    unicode-display_width (1.8.0)
    validates_lengths_from_database (0.8.0)
      activerecord (>= 4)
    version_gem (1.1.3)
    warden (1.2.9)
      rack (>= 2.0.9)
    webmock (3.20.0)
      addressable (>= 2.8.0)
      crack (>= 0.3.2)
      hashdiff (>= 0.4.0, < 2.0.0)
    websocket-driver (0.7.6)
      websocket-extensions (>= 0.1.0)
    websocket-extensions (0.1.5)
    zeitwerk (2.6.13)
    zendesk_api (2.0.1)
      faraday (> 2.0.0)
      faraday-multipart
      hashie (>= 3.5.2, < 6.0.0)
      inflection
      mini_mime
      multipart-post (~> 2.0)
    zstd-ruby (1.5.5.0)

PLATFORMS
  aarch64-linux
  arm64-darwin
  ruby
  x86_64-darwin
  x86_64-linux

DEPENDENCIES
  active_hash
  ansible
  ar_multi_threaded_transactional_tests
  attr_encrypted
  audited
  awesome_print
  bootsnap
  bootstrap-sass (>= 3.4.1)
  bootstrap3-datetimepicker-rails
  brakeman
  bundler-audit
  coderay
  commonmarker
  concurrent-ruby
  connection_pool
  dalli
  diffy
  dogstatsd-ruby
  doorkeeper (~> 5.6.0)
  dotenv
  faraday (~> 2.7)
  faraday-http-cache
  faraday-net_http_persistent (~> 2.0)
  faraday-retry
  flay
  forking_test_runner
  gcloud_image_tagger!
  goldiloader
  hashdiff!
  large_object_store
  lograge
  logstash-event
  mail (~> 2.7.0)
  marco-polo
  maxitest
  minitest-rails
  mocha
  momentjs-rails
  mysql2
  net-http-persistent
  net-imap
  net-pop
  net-smtp
  oauth2 (~> 2.0.9)
  octokit
  omniauth (~> 2.0)
  omniauth-atlassian-bitbucket
  omniauth-github!
  omniauth-gitlab
  omniauth-google-oauth2
  omniauth-ldap!
  omniauth-oauth2
  omniauth-rails_csrf_protection
  pagy
  parallel
  parallel_tests
  pg
  pry-byebug
  pry-rails
  pry-rescue
  pry-stack_explorer
  puma (~> 5.6.7)
  rack-mini-profiler
  rails (~> 6.1.7.7)
  rails-assets-bootstrap-select!
  rails-assets-jquery!
  rails-assets-jquery-cookie!
  rails-assets-jquery-ui!
  rails-assets-jquery-ujs!
  rails-assets-jsSHA!
  rails-assets-jstimezonedetect!
  rails-assets-typeahead.js!
  rails-assets-underscore!
  rails-assets-x-editable!
  rails-controller-testing
  rubocop
  rubocop-rails
  samson_airbrake!
  samson_airbrake_hook!
  samson_assertible!
  samson_aws_ecr!
  samson_aws_sts!
  samson_datadog!
  samson_datadog_tracer!
  samson_env!
  samson_flowdock!
  samson_github!
  samson_gitlab!
  samson_jenkins!
  samson_jenkins_status_checker!
  samson_jira!
  samson_kubernetes!
  samson_ledger!
  samson_new_relic!
  samson_pipelines!
  samson_prerequisite_stages!
  samson_rollbar!
  samson_rollbar_dashboards!
  samson_rollbar_hook!
  samson_sentry!
  samson_slack_app!
  samson_slack_webhooks!
  samson_zendesk!
  sass-rails
  sawyer
  single_cov
  soft_deletion
  sprockets (~> 3.7)
  sqlite3
  stackprof
  uglifier
  validates_lengths_from_database
  vault!
  warden
  webmock

RUBY VERSION
   ruby 3.2.2p53

BUNDLED WITH
   2.5.6
